GIT
  remote: https://github.com/citizensadvice/capybara_accessible_selectors
  revision: 347bbe06cb420416855e80bb4e3a3016b2d5872c
  tag: v0.12.0
  specs:
    capybara_accessible_selectors (0.11.0)
      capybara (~> 3.36)

GIT
  remote: https://github.com/opf/md-to-pdf
  revision: 67d14c6c7a13f918d158bde1a51ef1067a8cf724
  ref: 67d14c6c7a13f918d158bde1a51ef1067a8cf724
  specs:
    md_to_pdf (0.2.1)
      base64 (~> 0.2)
      bigdecimal (~> 3.1)
      color_conversion (~> 0.1)
      front_matter_parser (~> 1.0)
      json-schema (~> 4.3)
      markly (~> 0.13)
      matrix (~> 0.4)
      nokogiri (~> 1.18)
      prawn (~> 2.4)
      prawn-table (~> 0.2)
      text-hyphen (~> 1.5)

GIT
  remote: https://github.com/opf/omniauth
  revision: 7eb21563ba047ef86d71f099975587b5ec88f9c9
  ref: 7eb21563ba047ef86d71f099975587b5ec88f9c9
  specs:
    omniauth (1.9.2)
      hashie (>= 3.4.6)
      rack (>= 1.6.2, < 3)

GIT
  remote: https://github.com/opf/omniauth-openid-connect.git
  revision: 3d5fec65072fb4566fb975a9cbe401d758d22317
  ref: 3d5fec65072fb4566fb975a9cbe401d758d22317
  specs:
    omniauth-openid-connect (0.4.1)
      addressable (~> 2.5)
      omniauth (~> 1.6)
      openid_connect (~> 2.2.0)

GIT
  remote: https://github.com/opf/omniauth-openid_connect-providers.git
  revision: c7e2498a8b093cfc5693d4960cae2e903a5e10cd
  ref: c7e2498a8b093cfc5693d4960cae2e903a5e10cd
  specs:
    omniauth-openid_connect-providers (0.2.0)
      omniauth-openid-connect (>= 0.2.1)

GIT
  remote: https://github.com/opf/turbo_tests.git
  revision: c1c4707f536a5642a168650d273d714dfb62d842
  ref: with-patches
  specs:
    turbo_tests (2.2.0)
      parallel_tests (>= 3.3.0, < 5)
      rspec (>= 3.10)

PATH
  remote: modules/auth_plugins
  specs:
    openproject-auth_plugins (1.0.0)
      omniauth (~> 1.0)

PATH
  remote: modules/auth_saml
  specs:
    openproject-auth_saml (1.0.0)
      omniauth-saml (~> 1.10.6)

PATH
  remote: modules/avatars
  specs:
    openproject-avatars (1.0.0)
      fastimage (~> 2.3.0)
      gravatar_image_tag (~> 1.2.0)

PATH
  remote: modules/backlogs
  specs:
    openproject-backlogs (1.0.0)
      acts_as_list (~> 1.2.0)

PATH
  remote: modules/bim
  specs:
    openproject-bim (1.0.0)
      activerecord-import
      rubyzip (~> 2.3.0)

PATH
  remote: modules/boards
  specs:
    openproject-boards (1.0.0)

PATH
  remote: modules/budgets
  specs:
    budgets (1.0.0)

PATH
  remote: modules/calendar
  specs:
    openproject-calendar (1.0.0)
      icalendar (~> 2.10.0)

PATH
  remote: modules/costs
  specs:
    costs (1.0.0)

PATH
  remote: modules/dashboards
  specs:
    dashboards (1.0.0)
      grids

PATH
  remote: modules/documents
  specs:
    openproject-documents (1.0.0)

PATH
  remote: modules/gantt
  specs:
    openproject-gantt (1.0.0)

PATH
  remote: modules/github_integration
  specs:
    openproject-github_integration (1.0.0)
      openproject-webhooks

PATH
  remote: modules/gitlab_integration
  specs:
    openproject-gitlab_integration (3.0.0)
      openproject-webhooks

PATH
  remote: modules/grids
  specs:
    grids (1.0.0)

PATH
  remote: modules/job_status
  specs:
    openproject-job_status (1.0.0)

PATH
  remote: modules/ldap_groups
  specs:
    openproject-ldap_groups (1.0.0)

PATH
  remote: modules/meeting
  specs:
    openproject-meeting (1.0.0)
      icalendar (~> 2.10.0)

PATH
  remote: modules/my_page
  specs:
    my_page (1.0.0)
      grids

PATH
  remote: modules/openid_connect
  specs:
    openproject-openid_connect (1.0.0)
      lobby_boy (~> 0.1.3)
      omniauth-openid_connect-providers (~> 0.1)
      openproject-auth_plugins

PATH
  remote: modules/overviews
  specs:
    overviews (1.0.0)
      grids

PATH
  remote: modules/recaptcha
  specs:
    openproject-recaptcha (1.0.0)
      recaptcha (~> 5.7)

PATH
  remote: modules/reporting
  specs:
    openproject-reporting (1.0.0)
      costs

PATH
  remote: modules/storages
  specs:
    openproject-storages (1.0.0)

PATH
  remote: modules/team_planner
  specs:
    openproject-team_planner (1.0.0)

PATH
  remote: modules/two_factor_authentication
  specs:
    openproject-two_factor_authentication (1.0.0)
      aws-sdk-sns (~> 1.100.0)
      messagebird-rest (~> 1.4.2)
      rotp (~> 6.1)
      webauthn (~> 3.0)

PATH
  remote: modules/webhooks
  specs:
    openproject-webhooks (1.0.0)

PATH
  remote: modules/xls_export
  specs:
    openproject-xls_export (1.0.0)
      spreadsheet (~> 1.3.0)

GEM
  remote: https://rubygems.org/
  specs:
    Ascii85 (2.0.1)
    actioncable (8.0.2)
      actionpack (= 8.0.2)
      activesupport (= 8.0.2)
      nio4r (~> 2.0)
      websocket-driver (>= 0.6.1)
      zeitwerk (~> 2.6)
    actionmailbox (8.0.2)
      actionpack (= 8.0.2)
      activejob (= 8.0.2)
      activerecord (= 8.0.2)
      activestorage (= 8.0.2)
      activesupport (= 8.0.2)
      mail (>= 2.8.0)
    actionmailer (8.0.2)
      actionpack (= 8.0.2)
      actionview (= 8.0.2)
      activejob (= 8.0.2)
      activesupport (= 8.0.2)
      mail (>= 2.8.0)
      rails-dom-testing (~> 2.2)
    actionpack (8.0.2)
      actionview (= 8.0.2)
      activesupport (= 8.0.2)
      nokogiri (>= 1.8.5)
      rack (>= 2.2.4)
      rack-session (>= 1.0.1)
      rack-test (>= 0.6.3)
      rails-dom-testing (~> 2.2)
      rails-html-sanitizer (~> 1.6)
      useragent (~> 0.16)
    actionpack-xml_parser (2.0.1)
      actionpack (>= 5.0)
      railties (>= 5.0)
    actiontext (8.0.2)
      actionpack (= 8.0.2)
      activerecord (= 8.0.2)
      activestorage (= 8.0.2)
      activesupport (= 8.0.2)
      globalid (>= 0.6.0)
      nokogiri (>= 1.8.5)
    actionview (8.0.2)
      activesupport (= 8.0.2)
      builder (~> 3.1)
      erubi (~> 1.11)
      rails-dom-testing (~> 2.2)
      rails-html-sanitizer (~> 1.6)
    active_record_doctor (1.15.0)
      activerecord (>= 4.2.0)
    activejob (8.0.2)
      activesupport (= 8.0.2)
      globalid (>= 0.3.6)
    activemodel (8.0.2)
      activesupport (= 8.0.2)
    activemodel-serializers-xml (1.0.3)
      activemodel (>= 5.0.0.a)
      activesupport (>= 5.0.0.a)
      builder (~> 3.1)
    activerecord (8.0.2)
      activemodel (= 8.0.2)
      activesupport (= 8.0.2)
      timeout (>= 0.4.0)
    activerecord-import (2.2.0)
      activerecord (>= 4.2)
    activerecord-nulldb-adapter (1.1.1)
      activerecord (>= 6.0, < 8.1)
    activerecord-session_store (2.2.0)
      actionpack (>= 7.0)
      activerecord (>= 7.0)
      cgi (>= 0.3.6)
      rack (>= 2.0.8, < 4)
      railties (>= 7.0)
    activestorage (8.0.2)
      actionpack (= 8.0.2)
      activejob (= 8.0.2)
      activerecord (= 8.0.2)
      activesupport (= 8.0.2)
      marcel (~> 1.0)
    activesupport (8.0.2)
      base64
      benchmark (>= 0.3)
      bigdecimal
      concurrent-ruby (~> 1.0, >= 1.3.1)
      connection_pool (>= 2.2.5)
      drb
      i18n (>= 1.6, < 2)
      logger (>= 1.4.2)
      minitest (>= 5.1)
      securerandom (>= 0.3)
      tzinfo (~> 2.0, >= 2.0.5)
      uri (>= 0.13.1)
    acts_as_list (1.2.4)
      activerecord (>= 6.1)
      activesupport (>= 6.1)
    acts_as_tree (2.9.1)
      activerecord (>= 3.0.0)
    addressable (2.8.7)
      public_suffix (>= 2.0.2, < 7.0)
    aes_key_wrap (1.1.0)
    afm (0.2.2)
    airbrake (13.0.5)
      airbrake-ruby (~> 6.0)
    airbrake-ruby (6.2.2)
      rbtree3 (~> 0.6)
    android_key_attestation (0.3.0)
    anyway_config (2.7.2)
      ruby-next-core (~> 1.0)
    appsignal (3.10.0)
      rack
    ast (2.4.3)
    attr_required (1.0.2)
    auto_strip_attributes (2.6.0)
      activerecord (>= 4.0)
    awesome_nested_set (3.8.0)
      activerecord (>= 4.0.0, < 8.1)
    aws-eventstream (1.4.0)
    aws-partitions (1.1115.0)
    aws-sdk-core (3.225.2)
      aws-eventstream (~> 1, >= 1.3.0)
      aws-partitions (~> 1, >= 1.992.0)
      aws-sigv4 (~> 1.9)
      base64
      jmespath (~> 1, >= 1.6.1)
      logger
    aws-sdk-kms (1.104.0)
      aws-sdk-core (~> 3, >= 3.225.0)
      aws-sigv4 (~> 1.5)
    aws-sdk-s3 (1.189.1)
      aws-sdk-core (~> 3, >= 3.225.0)
      aws-sdk-kms (~> 1)
      aws-sigv4 (~> 1.5)
    aws-sdk-sns (1.100.0)
      aws-sdk-core (~> 3, >= 3.225.0)
      aws-sigv4 (~> 1.5)
    aws-sigv4 (1.12.1)
      aws-eventstream (~> 1, >= 1.0.2)
    axe-core-api (4.10.3)
      dumb_delegator
      ostruct
      virtus
    axe-core-rspec (4.10.3)
      axe-core-api (= 4.10.3)
      dumb_delegator
      ostruct
      virtus
    axiom-types (0.1.1)
      descendants_tracker (~> 0.0.4)
      ice_nine (~> 0.11.0)
      thread_safe (~> 0.3, >= 0.3.1)
    base64 (0.2.0)
    bcrypt (3.1.20)
    benchmark (0.4.1)
    better_html (2.1.1)
      actionview (>= 6.0)
      activesupport (>= 6.0)
      ast (~> 2.0)
      erubi (~> 1.4)
      parser (>= 2.4)
      smart_properties
    bigdecimal (3.2.2)
    bindata (2.5.1)
    bootsnap (1.18.6)
      msgpack (~> 1.2)
    brakeman (7.0.2)
      racc
    browser (6.2.0)
    builder (3.3.0)
    byebug (12.0.0)
    capybara (3.40.0)
      addressable
      matrix
      mini_mime (>= 0.1.3)
      nokogiri (~> 1.11)
      rack (>= 1.6.0)
      rack-test (>= 0.6.3)
      regexp_parser (>= 1.5, < 3.0)
      xpath (~> 3.2)
    capybara-screenshot (1.0.26)
      capybara (>= 1.0, < 4)
      launchy
    carrierwave (1.3.4)
      activemodel (>= 4.0.0)
      activesupport (>= 4.0.0)
      mime-types (>= 1.16)
      ssrf_filter (~> 1.0, < 1.1.0)
    carrierwave_direct (2.1.0)
      carrierwave (>= 1.0.0)
      fog-aws
    cbor (0.5.9.8)
    cgi (0.5.0)
    childprocess (5.1.0)
      logger (~> 1.5)
    climate_control (1.2.0)
    closure_tree (8.0.0)
      activerecord (>= 7.1.0)
      with_advisory_lock (>= 5.0.0, < 6.0.0)
    coderay (1.1.3)
    coercible (1.0.0)
      descendants_tracker (~> 0.0.1)
    color_conversion (0.1.2)
    colored2 (4.0.3)
    commonmarker (2.3.0)
      rb_sys (~> 0.9)
    commonmarker (2.3.0-aarch64-linux)
    commonmarker (2.3.0-aarch64-linux-musl)
    commonmarker (2.3.0-arm64-darwin)
    commonmarker (2.3.0-x86_64-darwin)
    commonmarker (2.3.0-x86_64-linux)
    commonmarker (2.3.0-x86_64-linux-musl)
    compare-xml (0.66)
      nokogiri (~> 1.8)
    concurrent-ruby (1.3.5)
    connection_pool (2.5.3)
    cookiejar (0.3.4)
    cose (1.3.1)
      cbor (~> 0.5.9)
      openssl-signature_algorithm (~> 1.0)
    crack (1.0.0)
      bigdecimal
      rexml
    crass (1.0.6)
    css_parser (1.21.1)
      addressable
    csv (3.3.5)
    cuprite (0.17)
      capybara (~> 3.0)
      ferrum (~> 0.17.0)
    daemons (1.4.1)
    dalli (3.2.8)
    date (3.4.1)
    date_validator (0.12.0)
      activemodel (>= 3)
      activesupport (>= 3)
    deckar01-task_list (2.3.4)
      html-pipeline (~> 2.0)
    declarative (0.0.20)
    descendants_tracker (0.0.4)
      thread_safe (~> 0.3, >= 0.3.1)
    diff-lcs (1.6.2)
    disposable (0.6.3)
      declarative (>= 0.0.9, < 1.0.0)
      representable (>= 3.1.1, < 4)
    doorkeeper (5.8.2)
      railties (>= 5)
    dotenv (3.1.8)
    dotenv-rails (3.1.8)
      dotenv (= 3.1.8)
      railties (>= 6.1)
    drb (2.2.3)
    dry-auto_inject (1.1.0)
      dry-core (~> 1.1)
      zeitwerk (~> 2.6)
    dry-configurable (1.3.0)
      dry-core (~> 1.1)
      zeitwerk (~> 2.6)
    dry-container (0.11.0)
      concurrent-ruby (~> 1.0)
    dry-core (1.1.0)
      concurrent-ruby (~> 1.0)
      logger
      zeitwerk (~> 2.6)
    dry-inflector (1.2.0)
    dry-initializer (3.2.0)
    dry-logic (1.6.0)
      bigdecimal
      concurrent-ruby (~> 1.0)
      dry-core (~> 1.1)
      zeitwerk (~> 2.6)
    dry-monads (1.8.3)
      concurrent-ruby (~> 1.0)
      dry-core (~> 1.1)
      zeitwerk (~> 2.6)
    dry-schema (1.14.1)
      concurrent-ruby (~> 1.0)
      dry-configurable (~> 1.0, >= 1.0.1)
      dry-core (~> 1.1)
      dry-initializer (~> 3.2)
      dry-logic (~> 1.5)
      dry-types (~> 1.8)
      zeitwerk (~> 2.6)
    dry-types (1.8.2)
      bigdecimal (~> 3.0)
      concurrent-ruby (~> 1.0)
      dry-core (~> 1.0)
      dry-inflector (~> 1.0)
      dry-logic (~> 1.4)
      zeitwerk (~> 2.6)
    dry-validation (1.11.1)
      concurrent-ruby (~> 1.0)
      dry-core (~> 1.1)
      dry-initializer (~> 3.2)
      dry-schema (~> 1.14)
      zeitwerk (~> 2.6)
    dumb_delegator (1.1.0)
    em-http-request (1.1.7)
      addressable (>= 2.3.4)
      cookiejar (!= 0.3.1)
      em-socksify (>= 0.3)
      eventmachine (>= 1.0.3)
      http_parser.rb (>= 0.6.0)
    em-socksify (0.3.3)
      base64
      eventmachine (>= 1.0.0.beta.4)
    em-synchrony (1.0.6)
      eventmachine (>= 1.0.0.beta.1)
    email_validator (2.2.4)
      activemodel
    equivalent-xml (0.6.0)
      nokogiri (>= 1.4.3)
    erb (5.0.1)
    erb_lint (0.9.0)
      activesupport
      better_html (>= 2.0.1)
      parser (>= 2.7.1.4)
      rainbow
      rubocop (>= 1)
      smart_properties
    erblint-github (1.0.1)
    erubi (1.13.1)
    escape_utils (1.3.0)
    et-orbi (1.2.11)
      tzinfo
    eventmachine (1.2.7)
    eventmachine_httpserver (0.2.1)
    excon (1.2.7)
      logger
    factory_bot (6.5.1)
      activesupport (>= 6.1.0)
    factory_bot_rails (6.4.4)
      factory_bot (~> 6.5)
      railties (>= 5.0.0)
    faraday (2.13.1)
      faraday-net_http (>= 2.0, < 3.5)
      json
      logger
    faraday-follow_redirects (0.3.0)
      faraday (>= 1, < 3)
    faraday-net_http (3.4.0)
      net-http (>= 0.5.0)
    fastimage (2.3.1)
    ferrum (0.17.1)
      addressable (~> 2.5)
      base64 (~> 0.2)
      concurrent-ruby (~> 1.1)
      webrick (~> 1.7)
      websocket-driver (~> 0.7)
    ffi (1.17.2)
    ffi (1.17.2-aarch64-linux-gnu)
    ffi (1.17.2-aarch64-linux-musl)
    ffi (1.17.2-arm-linux-gnu)
    ffi (1.17.2-arm-linux-musl)
    ffi (1.17.2-arm64-darwin)
    ffi (1.17.2-x86-linux-gnu)
    ffi (1.17.2-x86-linux-musl)
    ffi (1.17.2-x86_64-darwin)
    ffi (1.17.2-x86_64-linux-gnu)
    ffi (1.17.2-x86_64-linux-musl)
    flamegraph (0.9.5)
    fog-aws (3.32.0)
      base64 (~> 0.2.0)
      fog-core (~> 2.6)
      fog-json (~> 1.1)
      fog-xml (~> 0.1)
    fog-core (2.6.0)
      builder
      excon (~> 1.0)
      formatador (>= 0.2, < 2.0)
      mime-types
    fog-json (1.2.0)
      fog-core
      multi_json (~> 1.10)
    fog-xml (0.1.5)
      fog-core
      nokogiri (>= 1.5.11, < 2.0.0)
    formatador (1.1.0)
    friendly_id (5.5.1)
      activerecord (>= 4.0.0)
    front_matter_parser (1.0.1)
    fugit (1.11.1)
      et-orbi (~> 1, >= 1.2.11)
      raabro (~> 1.4)
    fuubar (2.5.1)
      rspec-core (~> 3.0)
      ruby-progressbar (~> 1.4)
    glob (0.4.0)
    globalid (1.2.1)
      activesupport (>= 6.1)
    gon (6.4.0)
      actionpack (>= 3.0.20)
      i18n (>= 0.7)
      multi_json
      request_store (>= 1.0)
    good_job (3.99.1)
      activejob (>= 6.0.0)
      activerecord (>= 6.0.0)
      concurrent-ruby (>= 1.0.2)
      fugit (>= 1.1)
      railties (>= 6.0.0)
      thor (>= 0.14.1)
    google-apis-core (0.18.0)
      addressable (~> 2.5, >= 2.5.1)
      googleauth (~> 1.9)
      httpclient (>= 2.8.3, < 3.a)
      mini_mime (~> 1.0)
      mutex_m
      representable (~> 3.0)
      retriable (>= 2.0, < 4.a)
    google-apis-gmail_v1 (0.43.0)
      google-apis-core (>= 0.15.0, < 2.a)
    google-cloud-env (2.3.1)
      base64 (~> 0.2)
      faraday (>= 1.0, < 3.a)
    google-logging-utils (0.2.0)
    googleauth (1.14.0)
      faraday (>= 1.0, < 3.a)
      google-cloud-env (~> 2.2)
      google-logging-utils (~> 0.1)
      jwt (>= 1.4, < 3.0)
      multi_json (~> 1.11)
      os (>= 0.9, < 2.0)
      signet (>= 0.16, < 2.a)
    grape (2.3.0)
      activesupport (>= 6)
      dry-types (>= 1.1)
      mustermann-grape (~> 1.1.0)
      rack (>= 2)
      zeitwerk
    grape_logging (1.8.4)
      grape
      rack
    gravatar_image_tag (1.2.0)
    hana (1.3.7)
    hashdiff (1.2.0)
    hashery (2.1.2)
    hashie (5.0.0)
    highline (3.1.2)
      reline
    html-pipeline (2.14.3)
      activesupport (>= 2)
      nokogiri (>= 1.4)
    htmlbeautifier (1.4.3)
    htmldiff (0.0.1)
    htmlentities (4.3.4)
    http-2 (1.1.1)
    http_parser.rb (0.8.0)
    httpclient (2.9.0)
      mutex_m
    httpx (1.3.4)
      http-2 (>= 1.0.0)
    i18n (1.14.7)
      concurrent-ruby (~> 1.0)
    i18n-js (4.2.3)
      glob (>= 0.4.0)
      i18n
    i18n-tasks (1.0.15)
      activesupport (>= 4.0.2)
      ast (>= 2.1.0)
      erubi
      highline (>= 2.0.0)
      i18n
      parser (>= 3.2.2.1)
      rails-i18n
      rainbow (>= 2.2.2, < 4.0)
      ruby-progressbar (~> 1.8, >= 1.8.1)
      terminal-table (>= 1.5.1)
    icalendar (2.10.3)
      ice_cube (~> 0.16)
      ostruct
    ice_cube (0.17.0)
    ice_nine (0.11.2)
    interception (0.5)
    io-console (0.8.0)
    irb (1.15.2)
      pp (>= 0.6.0)
      rdoc (>= 4.0.0)
      reline (>= 0.4.2)
    iso8601 (0.13.0)
    jmespath (1.6.2)
    json (2.12.2)
    json-jwt (1.16.7)
      activesupport (>= 4.2)
      aes_key_wrap
      base64
      bindata
      faraday (~> 2.0)
      faraday-follow_redirects
    json-schema (4.3.1)
      addressable (>= 2.8)
    json_schemer (2.4.0)
      bigdecimal
      hana (~> 1.3)
      regexp_parser (~> 2.0)
      simpleidn (~> 0.2)
    json_spec (1.1.5)
      multi_json (~> 1.0)
      rspec (>= 2.0, < 4.0)
    jwt (2.10.1)
      base64
    ladle (1.0.1)
      open4 (~> 1.0)
    language_server-protocol (3.17.0.5)
    launchy (3.1.1)
      addressable (~> 2.8)
      childprocess (~> 5.0)
      logger (~> 1.6)
    lefthook (1.11.13)
    letter_opener (1.10.0)
      launchy (>= 2.2, < 4)
    letter_opener_web (3.0.0)
      actionmailer (>= 6.1)
      letter_opener (~> 1.9)
      railties (>= 6.1)
      rexml
    lint_roller (1.1.0)
    listen (3.9.0)
      rb-fsevent (~> 0.10, >= 0.10.3)
      rb-inotify (~> 0.9, >= 0.9.10)
    lobby_boy (0.1.3)
      omniauth (~> 1.1)
      omniauth-openid-connect (>= 0.2.1)
      rails (>= 3.2.21)
    logger (1.7.0)
    lograge (0.14.0)
      actionpack (>= 4)
      activesupport (>= 4)
      railties (>= 4)
      request_store (~> 1.0)
    loofah (2.24.1)
      crass (~> 1.0.2)
      nokogiri (>= 1.12.0)
    lookbook (2.3.9)
      activemodel
      css_parser
      htmlbeautifier (~> 1.3)
      htmlentities (~> 4.3.4)
      marcel (~> 1.0)
      railties (>= 5.0)
      redcarpet (~> 3.5)
      rouge (>= 3.26, < 5.0)
      view_component (>= 2.0)
      yard (~> 0.9)
      zeitwerk (~> 2.5)
    mail (2.8.1)
      mini_mime (>= 0.1.1)
      net-imap
      net-pop
      net-smtp
    marcel (1.0.4)
    markly (0.13.0)
    matrix (0.4.2)
    messagebird-rest (1.4.2)
    meta-tags (2.22.1)
      actionpack (>= 6.0.0, < 8.1)
    method_source (1.1.0)
    mime-types (3.7.0)
      logger
      mime-types-data (~> 3.2025, >= 3.2025.0507)
    mime-types-data (3.2025.0603)
    mini_magick (5.2.0)
      benchmark
      logger
    mini_mime (1.1.5)
    mini_portile2 (2.8.9)
    minitest (5.25.5)
    msgpack (1.8.0)
    multi_json (1.15.0)
    mustermann (3.0.3)
      ruby2_keywords (~> 0.0.1)
    mustermann-grape (1.1.0)
      mustermann (>= 1.0.0)
    mutex_m (0.3.0)
    net-http (0.6.0)
      uri
    net-imap (0.5.8)
      date
      net-protocol
    net-ldap (0.19.0)
    net-pop (0.1.2)
      net-protocol
    net-protocol (0.2.2)
      timeout
    net-smtp (0.5.1)
      net-protocol
    nio4r (2.7.4)
    nokogiri (1.18.8)
      mini_portile2 (~> 2.8.2)
      racc (~> 1.4)
    nokogiri (1.18.8-aarch64-linux-gnu)
      racc (~> 1.4)
    nokogiri (1.18.8-aarch64-linux-musl)
      racc (~> 1.4)
    nokogiri (1.18.8-arm-linux-gnu)
      racc (~> 1.4)
    nokogiri (1.18.8-arm-linux-musl)
      racc (~> 1.4)
    nokogiri (1.18.8-arm64-darwin)
      racc (~> 1.4)
    nokogiri (1.18.8-x86_64-darwin)
      racc (~> 1.4)
    nokogiri (1.18.8-x86_64-linux-gnu)
      racc (~> 1.4)
    nokogiri (1.18.8-x86_64-linux-musl)
      racc (~> 1.4)
    oj (3.16.11)
      bigdecimal (>= 3.0)
      ostruct (>= 0.2)
    okcomputer (1.19.0)
    omniauth-saml (1.10.6)
      omniauth (~> 1.3, >= 1.3.2)
      ruby-saml (~> 1.18)
    op-clamav-client (3.4.2)
    open4 (1.3.4)
    openid_connect (2.2.1)
      activemodel
      attr_required (>= 1.0.0)
      faraday (~> 2.0)
      faraday-follow_redirects
      json-jwt (>= 1.16)
      rack-oauth2 (~> 2.2)
      swd (~> 2.0)
      tzinfo
      validate_email
      validate_url
      webfinger (~> 2.0)
    openproject-octicons (19.25.0)
    openproject-octicons_helper (19.25.0)
      actionview
      openproject-octicons (= 19.25.0)
      railties
    openproject-primer_view_components (0.69.4)
      actionview (>= 7.1.0)
      activesupport (>= 7.1.0)
      openproject-octicons (>= 19.25.0)
      view_component (>= 3.1, < 4.0)
    openproject-token (7.2.1)
      activemodel
    openssl (3.3.0)
    openssl-signature_algorithm (1.3.0)
      openssl (> 2.0)
    optimist (3.2.1)
    os (1.1.4)
    ostruct (0.6.1)
    ox (2.14.23)
      bigdecimal (>= 3.0)
    paper_trail (16.0.0)
      activerecord (>= 6.1)
      request_store (~> 1.4)
    parallel (1.27.0)
    parallel_tests (4.10.1)
      parallel
    parser (3.3.8.0)
      ast (~> 2.4.1)
      racc
    pdf-core (0.9.0)
    pdf-inspector (1.3.0)
      pdf-reader (>= 1.0, < 3.0.a)
    pdf-reader (2.14.1)
      Ascii85 (>= 1.0, < 3.0, != 2.0.0)
      afm (~> 0.2.1)
      hashery (~> 2.0)
      ruby-rc4
      ttfunk
    pg (1.5.9)
    plaintext (0.3.4)
      activesupport (> 2.2.1)
      nokogiri (~> 1.10, >= 1.10.4)
      rubyzip (>= 1.2.0)
    pp (0.6.2)
      prettyprint
    prawn (2.4.0)
      pdf-core (~> 0.9.0)
      ttfunk (~> 1.7)
    prawn-table (0.2.2)
      prawn (>= 1.3.0, < 3.0.0)
    prettyprint (0.2.0)
    prism (1.4.0)
    prometheus-client-mmap (1.2.10)
      base64
      bigdecimal
      logger
      rb_sys (~> 0.9.109)
    prometheus-client-mmap (1.2.10-aarch64-linux-gnu)
      base64
      bigdecimal
      logger
      rb_sys (~> 0.9.109)
    prometheus-client-mmap (1.2.10-aarch64-linux-musl)
      base64
      bigdecimal
      logger
      rb_sys (~> 0.9.109)
    prometheus-client-mmap (1.2.10-arm64-darwin)
      base64
      bigdecimal
      logger
      rb_sys (~> 0.9.109)
    prometheus-client-mmap (1.2.10-x86_64-darwin)
      base64
      bigdecimal
      logger
      rb_sys (~> 0.9.109)
    prometheus-client-mmap (1.2.10-x86_64-linux-gnu)
      base64
      bigdecimal
      logger
      rb_sys (~> 0.9.109)
    prometheus-client-mmap (1.2.10-x86_64-linux-musl)
      base64
      bigdecimal
      logger
      rb_sys (~> 0.9.109)
    pry (0.15.2)
      coderay (~> 1.1)
      method_source (~> 1.0)
    pry-byebug (3.11.0)
      byebug (~> 12.0)
      pry (>= 0.13, < 0.16)
    pry-rails (0.3.11)
      pry (>= 0.13.0)
    pry-rescue (1.6.0)
      interception (>= 0.5)
      pry (>= 0.12.0)
    psych (5.2.6)
      date
      stringio
    public_suffix (6.0.2)
    puffing-billy (4.0.2)
      addressable (~> 2.5)
      em-http-request (~> 1.1, >= 1.1.0)
      em-synchrony
      eventmachine (~> 1.2)
      eventmachine_httpserver
      http_parser.rb (~> 0.8.0)
      multi_json
    puma (6.6.0)
      nio4r (~> 2.0)
    puma-plugin-statsd (2.6.0)
      puma (>= 5.0, < 7)
    raabro (1.4.0)
    racc (1.8.1)
    rack (2.2.17)
    rack-attack (6.7.0)
      rack (>= 1.0, < 4)
    rack-cors (2.0.2)
      rack (>= 2.0.0)
    rack-mini-profiler (4.0.0)
      rack (>= 1.2.0)
    rack-oauth2 (2.2.1)
      activesupport
      attr_required
      faraday (~> 2.0)
      faraday-follow_redirects
      json-jwt (>= 1.11.0)
      rack (>= 2.1.0)
    rack-protection (3.2.0)
      base64 (>= 0.1.0)
      rack (~> 2.2, >= 2.2.4)
    rack-session (1.0.2)
      rack (< 3)
    rack-test (2.2.0)
      rack (>= 1.3)
    rack-timeout (0.7.0)
    rack_session_access (0.2.0)
      builder (>= 2.0.0)
      rack (>= 1.0.0)
    rackup (1.0.1)
      rack (< 3)
      webrick
    rails (8.0.2)
      actioncable (= 8.0.2)
      actionmailbox (= 8.0.2)
      actionmailer (= 8.0.2)
      actionpack (= 8.0.2)
      actiontext (= 8.0.2)
      actionview (= 8.0.2)
      activejob (= 8.0.2)
      activemodel (= 8.0.2)
      activerecord (= 8.0.2)
      activestorage (= 8.0.2)
      activesupport (= 8.0.2)
      bundler (>= 1.15.0)
      railties (= 8.0.2)
    rails-controller-testing (1.0.5)
      actionpack (>= 5.0.1.rc1)
      actionview (>= 5.0.1.rc1)
      activesupport (>= 5.0.1.rc1)
    rails-dom-testing (2.3.0)
      activesupport (>= 5.0.0)
      minitest
      nokogiri (>= 1.6)
    rails-html-sanitizer (1.6.2)
      loofah (~> 2.21)
      nokogiri (>= 1.15.7, != 1.16.7, != 1.16.6, != 1.16.5, != 1.16.4, != 1.16.3, != 1.16.2, != 1.16.1, != 1.16.0.rc1, != 1.16.0)
    rails-i18n (8.0.1)
      i18n (>= 0.7, < 2)
      railties (>= 8.0.0, < 9)
    railties (8.0.2)
      actionpack (= 8.0.2)
      activesupport (= 8.0.2)
      irb (~> 1.13)
      rackup (>= 1.0.0)
      rake (>= 12.2)
      thor (~> 1.0, >= 1.2.2)
      zeitwerk (~> 2.6)
    rainbow (3.1.1)
    rake (13.3.0)
    rake-compiler-dock (1.9.1)
    rb-fsevent (0.11.2)
    rb-inotify (0.11.1)
      ffi (~> 1.0)
    rb_sys (0.9.116)
      rake-compiler-dock (= 1.9.1)
    rbtrace (0.5.2)
      ffi (>= 1.0.6)
      msgpack (>= 0.4.3)
      optimist (>= 3.0.0)
    rbtree3 (0.7.1)
    rdoc (6.14.0)
      erb
      psych (>= 4.0.0)
    recaptcha (5.19.0)
    redcarpet (3.6.1)
    redis (5.4.0)
      redis-client (>= 0.22.0)
    redis-client (0.24.0)
      connection_pool
    regexp_parser (2.10.0)
    reline (0.6.1)
      io-console (~> 0.5)
    representable (3.2.0)
      declarative (< 0.1.0)
      trailblazer-option (>= 0.1.1, < 0.2.0)
      uber (< 0.2.0)
    request_store (1.7.0)
      rack (>= 1.4)
    responders (3.1.1)
      actionpack (>= 5.2)
      railties (>= 5.2)
    retriable (3.1.2)
    rexml (3.4.1)
    rinku (2.0.6)
    roar (1.2.0)
      representable (~> 3.1)
    rotp (6.3.0)
    rouge (4.5.2)
    rspec (3.13.1)
      rspec-core (~> 3.13.0)
      rspec-expectations (~> 3.13.0)
      rspec-mocks (~> 3.13.0)
    rspec-core (3.13.4)
      rspec-support (~> 3.13.0)
    rspec-expectations (3.13.5)
      diff-lcs (>= 1.2.0, < 2.0)
      rspec-support (~> 3.13.0)
    rspec-mocks (3.13.5)
      diff-lcs (>= 1.2.0, < 2.0)
      rspec-support (~> 3.13.0)
    rspec-rails (8.0.0)
      actionpack (>= 7.2)
      activesupport (>= 7.2)
      railties (>= 7.2)
      rspec-core (~> 3.13)
      rspec-expectations (~> 3.13)
      rspec-mocks (~> 3.13)
      rspec-support (~> 3.13)
    rspec-retry (0.6.2)
      rspec-core (> 3.3)
    rspec-support (3.13.4)
    rspec-wait (1.0.1)
      rspec (>= 3.4)
    rubocop (1.76.1)
      json (~> 2.3)
      language_server-protocol (~> 3.17.0.2)
      lint_roller (~> 1.1.0)
      parallel (~> 1.10)
      parser (>= 3.3.0.2)
      rainbow (>= 2.2.2, < 4.0)
      regexp_parser (>= 2.9.3, < 3.0)
      rubocop-ast (>= 1.45.0, < 2.0)
      ruby-progressbar (~> 1.7)
      unicode-display_width (>= 2.4.0, < 4.0)
    rubocop-ast (1.45.1)
      parser (>= 3.3.7.2)
      prism (~> 1.4)
    rubocop-capybara (2.22.1)
      lint_roller (~> 1.1)
      rubocop (~> 1.72, >= 1.72.1)
    rubocop-factory_bot (2.27.1)
      lint_roller (~> 1.1)
      rubocop (~> 1.72, >= 1.72.1)
    rubocop-openproject (0.2.0)
      rubocop
    rubocop-performance (1.25.0)
      lint_roller (~> 1.1)
      rubocop (>= 1.75.0, < 2.0)
      rubocop-ast (>= 1.38.0, < 2.0)
    rubocop-rails (2.32.0)
      activesupport (>= 4.2.0)
      lint_roller (~> 1.1)
      rack (>= 1.1)
      rubocop (>= 1.75.0, < 2.0)
      rubocop-ast (>= 1.44.0, < 2.0)
    rubocop-rspec (3.6.0)
      lint_roller (~> 1.1)
      rubocop (~> 1.72, >= 1.72.1)
    rubocop-rspec_rails (2.31.0)
      lint_roller (~> 1.1)
      rubocop (~> 1.72, >= 1.72.1)
      rubocop-rspec (~> 3.5)
    ruby-duration (3.2.3)
      activesupport (>= 3.0.0)
      i18n
      iso8601
    ruby-next-core (1.1.1)
    ruby-ole (1.2.13.1)
    ruby-prof (1.7.2)
      base64
    ruby-progressbar (1.13.0)
    ruby-rc4 (0.1.5)
    ruby-saml (1.18.0)
      nokogiri (>= 1.13.10)
      rexml
    ruby2_keywords (0.0.5)
    rubytree (2.1.1)
      json (~> 2.0, > 2.9)
    rubyzip (2.3.2)
    safety_net_attestation (0.4.0)
      jwt (~> 2.0)
    sanitize (7.0.0)
      crass (~> 1.0.2)
      nokogiri (>= 1.16.8)
    secure_headers (7.1.0)
    securerandom (0.4.1)
    selenium-devtools (0.137.0)
      selenium-webdriver (~> 4.2)
    selenium-webdriver (4.33.0)
      base64 (~> 0.2)
      logger (~> 1.4)
      rexml (~> 3.2, >= 3.2.5)
      rubyzip (>= 1.2.2, < 3.0)
      websocket (~> 1.0)
    semantic (1.6.1)
    shoulda-context (2.0.0)
    shoulda-matchers (6.5.0)
      activesupport (>= 5.2.0)
    signet (0.20.0)
      addressable (~> 2.8)
      faraday (>= 0.17.5, < 3.a)
      jwt (>= 1.5, < 3.0)
      multi_json (~> 1.10)
    simpleidn (0.2.3)
    smart_properties (1.17.0)
    spreadsheet (1.3.4)
      bigdecimal
      logger
      ruby-ole
    spring (4.3.0)
    spring-commands-rspec (1.0.4)
      spring (>= 0.9.1)
    spring-commands-rubocop (0.4.0)
      spring (>= 1.0)
    sprockets (3.7.5)
      base64
      concurrent-ruby (~> 1.0)
      rack (> 1, < 3)
    sprockets-rails (3.5.2)
      actionpack (>= 6.1)
      activesupport (>= 6.1)
      sprockets (>= 3.0.0)
    ssrf_filter (1.0.8)
    stackprof (0.2.27)
    store_attribute (2.0.1)
      activerecord (>= 6.1)
    stringex (2.8.6)
    stringio (3.1.7)
    structured_warnings (0.5.0)
    svg-graph (2.2.2)
    swd (2.0.3)
      activesupport (>= 3)
      attr_required (>= 0.0.5)
      faraday (~> 2.0)
      faraday-follow_redirects
    sys-filesystem (1.5.3)
      ffi (~> 1.1)
    table_print (1.5.7)
    terminal-table (4.0.0)
      unicode-display_width (>= 1.1.1, < 4)
    test-prof (1.4.4)
    text-hyphen (1.5.0)
    thor (1.3.2)
    thread_safe (0.3.6)
    timecop (0.9.10)
    timeout (0.4.3)
    tpm-key_attestation (0.14.1)
      bindata (~> 2.4)
      openssl (> 2.0)
      openssl-signature_algorithm (~> 1.0)
    trailblazer-option (0.1.2)
    ttfunk (1.7.0)
    turbo-rails (2.0.16)
      actionpack (>= 7.1.0)
      railties (>= 7.1.0)
    turbo_power (0.7.0)
      turbo-rails (>= 1.3.0)
    typed_dag (2.0.2)
      rails (>= 5.0.4)
    tzinfo (2.0.6)
      concurrent-ruby (~> 1.0)
    tzinfo-data (1.2025.2)
      tzinfo (>= 1.0.0)
    uber (0.1.0)
    unicode-display_width (3.1.4)
      unicode-emoji (~> 4.0, >= 4.0.4)
    unicode-emoji (4.0.4)
    uri (1.0.3)
    useragent (0.16.11)
    validate_email (0.1.6)
      activemodel (>= 3.0)
      mail (>= 2.2.5)
    validate_url (1.0.15)
      activemodel (>= 3.0.0)
      public_suffix
    vcr (6.3.1)
      base64
    vernier (1.8.0)
    view_component (3.23.2)
      activesupport (>= 5.2.0, < 8.1)
      concurrent-ruby (~> 1)
      method_source (~> 1.0)
    virtus (2.0.0)
      axiom-types (~> 0.1)
      coercible (~> 1.0)
      descendants_tracker (~> 0.0, >= 0.0.3)
    warden (1.2.9)
      rack (>= 2.0.9)
    warden-basic_auth (0.2.1)
      warden (~> 1.2)
    webauthn (3.4.1)
      android_key_attestation (~> 0.3.0)
      bindata (~> 2.4)
      cbor (~> 0.5.9)
      cose (~> 1.1)
      openssl (>= 2.2)
      safety_net_attestation (~> 0.4.0)
      tpm-key_attestation (~> 0.14.0)
    webfinger (2.1.3)
      activesupport
      faraday (~> 2.0)
      faraday-follow_redirects
    webmock (3.25.1)
      addressable (>= 2.8.0)
      crack (>= 0.3.2)
      hashdiff (>= 0.4.0, < 2.0.0)
    webrick (1.9.1)
    websocket (1.2.11)
    websocket-driver (0.8.0)
      base64
      websocket-extensions (>= 0.1.0)
    websocket-extensions (0.1.5)
    will_paginate (4.0.1)
    with_advisory_lock (5.3.0)
      activerecord (>= 6.1)
      zeitwerk (>= 2.6)
    xpath (3.2.0)
      nokogiri (~> 1.8)
    yabeda (0.13.1)
      anyway_config (>= 1.0, < 3)
      concurrent-ruby
      dry-initializer
    yabeda-activerecord (0.1.1)
      activerecord (>= 6.0)
      yabeda (~> 0.6)
    yabeda-prometheus-mmap (0.4.0)
      prometheus-client-mmap
      yabeda (~> 0.10)
    yabeda-puma-plugin (0.7.1)
      json
      puma
      yabeda (~> 0.5)
    yabeda-rails (0.9.0)
      activesupport
      anyway_config (>= 1.3, < 3)
      railties
      yabeda (~> 0.8)
    yard (0.9.37)
    zeitwerk (2.7.3)

PLATFORMS
  aarch64-linux
  aarch64-linux-gnu
  aarch64-linux-musl
  arm-linux-gnu
  arm-linux-musl
  arm64-darwin
  ruby
  x86-linux-gnu
  x86-linux-musl
  x86_64-darwin
  x86_64-linux
  x86_64-linux-gnu
  x86_64-linux-musl

DEPENDENCIES
  actionpack-xml_parser (~> 2.0.0)
  active_record_doctor (~> 1.15.0)
  activemodel-serializers-xml (~> 1.0.1)
  activerecord-import (~> 2.2.0)
  activerecord-nulldb-adapter (~> 1.1.1)
  activerecord-session_store (~> 2.2.0)
  acts_as_list (~> 1.2.0)
  acts_as_tree (~> 2.9.0)
  addressable (~> 2.8.0)
  airbrake (~> 13.0.0)
  appsignal (~> 3.10.0)
  auto_strip_attributes (~> 2.5)
  awesome_nested_set (~> 3.8.0)
  aws-sdk-core (~> 3.107)
  aws-sdk-s3 (~> 1.91)
  axe-core-rspec
  bcrypt (~> 3.1.6)
  bootsnap (~> 1.18.0)
  brakeman (~> 7.0.0)
  browser (~> 6.2.0)
  budgets!
  byebug
  capybara (~> 3.40.0)
  capybara-screenshot (~> 1.0.17)
  capybara_accessible_selectors!
  carrierwave (~> 1.3.4)
  carrierwave_direct (~> 2.1.0)
  climate_control
  closure_tree (~> 8.0.0)
  colored2
  commonmarker (~> 2.3.0)
  compare-xml (~> 0.66)
  costs!
  csv (~> 3.3)
  cuprite (~> 0.17.0)
  daemons
  dalli (~> 3.2.0)
  dashboards!
  date_validator (~> 0.12.0)
  deckar01-task_list (~> 2.3.1)
  disposable (~> 0.6.2)
  doorkeeper (~> 5.8.0)
  dotenv-rails
  dry-auto_inject
  dry-container
  dry-monads
  dry-validation
  email_validator (~> 2.2.3)
  equivalent-xml (~> 0.6)
  erb_lint
  erblint-github
  escape_utils (~> 1.3)
  factory_bot (~> 6.5.0)
  factory_bot_rails (~> 6.4.4)
  ffi (~> 1.15)
  flamegraph
  fog-aws
  friendly_id (~> 5.5.0)
  fuubar (~> 2.5.0)
  gon (~> 6.4.0)
  good_job (= 3.99.1)
  google-apis-gmail_v1
  googleauth
  grape (~> 2.3.0)
  grape_logging (~> 1.8.4)
  grids!
  html-pipeline (~> 2.14.0)
  htmldiff
  httpx (~> 1.3.4)
  i18n-js (~> 4.2.3)
  i18n-tasks (~> 1.0.13)
  ice_cube (~> 0.17.0)
  ice_nine
  json_schemer (~> 2.4.0)
  json_spec (~> 1.1.4)
  ladle
  launchy (~> 3.1.0)
  lefthook
  letter_opener_web
  listen (~> 3.9.0)
  lograge (~> 0.14.0)
  lookbook (~> 2.3.4)
  mail (= 2.8.1)
  markly (~> 0.13)
  matrix (~> 0.4.2)
  md_to_pdf!
  meta-tags (~> 2.22.0)
  mini_magick (~> 5.2.0)
  multi_json (~> 1.15.0)
  my_page!
  net-ldap (~> 0.19.0)
  nokogiri (~> 1.18.8)
  oj (~> 3.16.0)
  okcomputer (~> 1.19.0)
  omniauth!
  omniauth-openid-connect!
  omniauth-openid_connect-providers!
  op-clamav-client (~> 3.4)
  openproject-auth_plugins!
  openproject-auth_saml!
  openproject-avatars!
  openproject-backlogs!
  openproject-bim!
  openproject-boards!
  openproject-calendar!
  openproject-documents!
  openproject-gantt!
  openproject-github_integration!
  openproject-gitlab_integration!
  openproject-job_status!
  openproject-ldap_groups!
  openproject-meeting!
  openproject-octicons (~> 19.25.0)
  openproject-octicons_helper (~> 19.25.0)
  openproject-openid_connect!
  openproject-primer_view_components (~> 0.69.4)
  openproject-recaptcha!
  openproject-reporting!
  openproject-storages!
  openproject-team_planner!
  openproject-token (~> 7.2.0)
  openproject-two_factor_authentication!
  openproject-webhooks!
  openproject-xls_export!
  overviews!
  ox
  paper_trail (~> 16.0.0)
  parallel_tests (~> 4.0)
  pdf-inspector (~> 1.2)
  pg (~> 1.5.0)
  plaintext (~> 0.3.2)
  prawn (~> 2.4)
  pry-byebug (~> 3.11.0)
  pry-rails (~> 0.3.6)
  pry-rescue (~> 1.6.0)
  puffing-billy (~> 4.0.0)
  puma (~> 6.5)
  puma-plugin-statsd (~> 2.0)
  rack-attack (~> 6.7.0)
  rack-cors (~> 2.0.2)
  rack-mini-profiler
  rack-protection (~> 3.2.0)
  rack-test (~> 2.2.0)
  rack-timeout (~> 0.7.0)
  rack_session_access
  rails (~> 8.0.1)
  rails-controller-testing (~> 1.0.2)
  rails-i18n (~> 8.0.0)
  rbtrace
  rdoc (>= 2.4.2)
  redis (~> 5.4.0)
  request_store (~> 1.7.0)
  responders (~> 3.0)
  retriable (~> 3.1.1)
  rinku (~> 2.0.4)
  roar (~> 1.2.0)
  rouge (~> 4.5.1)
  rspec (~> 3.13.0)
  rspec-rails (~> 8.0.0)
  rspec-retry (~> 0.6.1)
  rspec-wait
  rubocop
  rubocop-capybara
  rubocop-factory_bot
  rubocop-openproject
  rubocop-performance
  rubocop-rails
  rubocop-rspec
  rubocop-rspec_rails
  ruby-duration (~> 3.2.0)
  ruby-prof
  ruby-progressbar (~> 1.13.0)
  rubytree (~> 2.1.0)
  sanitize (~> 7.0.0)
  secure_headers (~> 7.1.0)
  selenium-devtools
  selenium-webdriver (~> 4.20)
  semantic (~> 1.6.1)
  shoulda-context (~> 2.0)
  shoulda-matchers (~> 6.0)
  spring
  spring-commands-rspec
  spring-commands-rubocop
  sprockets (~> 3.7.2)
  sprockets-rails (~> 3.5.1)
  stackprof
  store_attribute (~> 2.0)
  stringex (~> 2.8.5)
  structured_warnings (~> 0.5.0)
  svg-graph (~> 2.2.0)
  sys-filesystem (~> 1.5.0)
  table_print (~> 1.5.6)
  test-prof (~> 1.4.0)
  timecop (~> 0.9.0)
  ttfunk (~> 1.7.0)
  turbo-rails (~> 2.0.0)
  turbo_power (~> 0.7.0)
  turbo_tests!
  typed_dag (~> 2.0.2)
  tzinfo-data (~> 1.2025.1)
  validate_url
  vcr
  vernier
  view_component
  warden (~> 1.2)
  warden-basic_auth (~> 0.2.1)
  webmock (~> 3.12)
  will_paginate (~> 4.0.0)
  with_advisory_lock (~> 5.3.0)
  yabeda-activerecord
  yabeda-prometheus-mmap
  yabeda-puma-plugin
  yabeda-rails

CHECKSUMS
  Ascii85 (2.0.1) sha256=15cb5d941808543cbb9e7e6aea3c8ec3877f154c3461e8b3673e97f7ecedbe5a
  actioncable (8.0.2) sha256=7bcce2df62e91a80143592600e16583c273e98aab50ae40a9f6a2604bb3289a0
  actionmailbox (8.0.2) sha256=3d8fb3453913e6257da4d02004bbfa2b997dfd10672f8d990e95013983e2cedb
  actionmailer (8.0.2) sha256=b0c968b38576ec56a3dc2795931818e0aaae6a18cc9801f53f175c12d4b277d0
  actionpack (8.0.2) sha256=93e703064f3815295ccf820f57acbca719aec836749597da9262781c9b2f4b78
  actionpack-xml_parser (2.0.1) sha256=40cb461ee99445314ab580a783fb7413580deb8b28113c9e70ecd7c1b334d5e6
  actiontext (8.0.2) sha256=a40db32032ee2fbb479d5d69318c4284344c1cda73836fd73ffcdb917d203abf
  actionview (8.0.2) sha256=e038e1405cdfc18f04f17243da4fb8eeda3a4992f63a6d70a7281d255cf7cebb
  active_record_doctor (1.15.0) sha256=614a49e259a679d17cbc62dead9217acaf7191a371115606132473123b426b13
  activejob (8.0.2) sha256=b0228b45e36b1ef3a081c684e81494147e094a6baf729018756ccf125b1853ca
  activemodel (8.0.2) sha256=0ae1fb7fa1fae0699ba041a9e97702df42ea3b13f2d39f2d0fde51fca5f0656c
  activemodel-serializers-xml (1.0.3) sha256=fa1b16305e7254cc58a59c68833e3c0a593a59c8ab95d3be5aaea7cd9416c397
  activerecord (8.0.2) sha256=793470b92c44e4198d0262ac60086b7822f0ea585079ad67e32a6e4c86f2d90a
  activerecord-import (2.2.0) sha256=f8ca99b196e50775723d1f1d192c379f656378dc9f5628240992a0d78807fa4b
  activerecord-nulldb-adapter (1.1.1) sha256=034c91106183b954b072fba14c2786adf1a2b9e852ce04f85f823afaf03e9820
  activerecord-session_store (2.2.0) sha256=65918054573683bf4f87af89e765e1fece14c9d71cfac1f11abe4687c96e2743
  activestorage (8.0.2) sha256=f83d221e0f06ae38f2200e55490bd155c76d0add330f6e300e8646048d672977
  activesupport (8.0.2) sha256=8565cddba31b900cdc17682fd66ecd020441e3eef320a9930285394e8c07a45e
  acts_as_list (1.2.4) sha256=5e6ed695f1879d66ae7d8eb1625a72db215a26a9c8ec0047b866a80883ea5651
  acts_as_tree (2.9.1) sha256=b869eb10a8de38616b64ffcf9e882d3d99c8e06909c4057078a76c3b89a9a2f3
  addressable (2.8.7) sha256=462986537cf3735ab5f3c0f557f14155d778f4b43ea4f485a9deb9c8f7c58232
  aes_key_wrap (1.1.0) sha256=b935f4756b37375895db45669e79dfcdc0f7901e12d4e08974d5540c8e0776a5
  afm (0.2.2) sha256=c83e698e759ab0063331ff84ca39c4673b03318f4ddcbe8e90177dd01e4c721a
  airbrake (13.0.5) sha256=901f5074c25d5ef77ed87f5bde7a28400a7324f5d7013a8a12d07e0099cc31b6
  airbrake-ruby (6.2.2) sha256=293e34fb36e763e1b6d67ab584cce7c5b6fe9eea1a70c26d8c13c0f5d7de2fbc
  android_key_attestation (0.3.0) sha256=467eb01a99d2bb48ef9cf24cc13712669d7056cba5a52d009554ff037560570b
  anyway_config (2.7.2) sha256=30f6b087c0b41afdd43fe46c81d65a16f052a8489dab453abaeb4ea67aa74bad
  appsignal (3.10.0) sha256=2a18f3253afdf2fc2d7f9e43d5118976c05a614934abcbb29bb84000d047b61b
  ast (2.4.3) sha256=954615157c1d6a382bc27d690d973195e79db7f55e9765ac7c481c60bdb4d383
  attr_required (1.0.2) sha256=f0ebfc56b35e874f4d0ae799066dbc1f81efefe2364ca3803dc9ea6a4de6cb99
  auto_strip_attributes (2.6.0) sha256=a7e2e0cf744de2bcd947fd68014220702bcc88c81274c1cd9ce6f7316aae39b0
  awesome_nested_set (3.8.0) sha256=469daff411d80291dbb80d1973133e498048a7afc2519c545f62d2cdebc60eda
  aws-eventstream (1.4.0) sha256=116bf85c436200d1060811e6f5d2d40c88f65448f2125bc77ffce5121e6e183b
  aws-partitions (1.1115.0) sha256=787dc8a8d8db2aeb1474b4ee9a71e9f8b315d8109063fea0021030a6522f9e6c
  aws-sdk-core (3.225.2) sha256=3ebed026b4bb527740cdf9f2a0c1b4a542d070ee015f8dd6bfc4c265d75dd4f8
  aws-sdk-kms (1.104.0) sha256=d65f13254452a9648fc3557018214e4c1809224c8538de576dd079772f0390f4
  aws-sdk-s3 (1.189.1) sha256=dd46336000eb3d78ff3ba4b648dd520c83c171ac29a04f13ddb08249fd1b7de4
  aws-sdk-sns (1.100.0) sha256=706bb13c5da789a5b9c6219b397980645536dd7f7301c09fbb8d3e8613f65a96
  aws-sigv4 (1.12.1) sha256=6973ff95cb0fd0dc58ba26e90e9510a2219525d07620c8babeb70ef831826c00
  axe-core-api (4.10.3) sha256=6e10f3ed1c031804f16e8154d9d5dc658564d10850cee860e125fe665c3f0148
  axe-core-rspec (4.10.3) sha256=ca21d0111e2d0fcd0f1da922c9071337336732aa6a3a8dc21bed94c9a701527e
  axiom-types (0.1.1) sha256=c1ff113f3de516fa195b2db7e0a9a95fd1b08475a502ff660d04507a09980383
  base64 (0.2.0) sha256=0f25e9b21a02a0cc0cea8ef92b2041035d39350946e8789c562b2d1a3da01507
  bcrypt (3.1.20) sha256=8410f8c7b3ed54a3c00cd2456bf13917d695117f033218e2483b2e40b0784099
  benchmark (0.4.1) sha256=d4ef40037bba27f03b28013e219b950b82bace296549ec15a78016552f8d2cce
  better_html (2.1.1) sha256=046c3551d1488a3f2939a7cac6fabf2bde08c32e135c91fcd683380118e5af55
  bigdecimal (3.2.2) sha256=39085f76b495eb39a79ce07af716f3a6829bc35eb44f2195e2753749f2fa5adc
  bindata (2.5.1) sha256=53186a1ec2da943d4cb413583d680644eb810aacbf8902497aac8f191fad9e58
  bootsnap (1.18.6) sha256=0ae2393c1e911e38be0f24e9173e7be570c3650128251bf06240046f84a07d00
  brakeman (7.0.2) sha256=b602d91bcec6c5ce4d4bc9e081e01f621c304b7a69f227d1e58784135f333786
  browser (6.2.0) sha256=281d5295788825c9396427c292c2d2be0a5c91875c93c390fde6e5d61a5ace2d
  budgets (1.0.0)
  builder (3.3.0) sha256=497918d2f9dca528fdca4b88d84e4ef4387256d984b8154e9d5d3fe5a9c8835f
  byebug (12.0.0) sha256=d4a150d291cca40b66ec9ca31f754e93fed8aa266a17335f71bb0afa7fca1a1e
  capybara (3.40.0) sha256=42dba720578ea1ca65fd7a41d163dd368502c191804558f6e0f71b391054aeef
  capybara-screenshot (1.0.26) sha256=816b9370a07752097c82a05f568aaf5d3b7f45c3db5d3aab2014071e1b3c0c77
  capybara_accessible_selectors (0.11.0)
  carrierwave (1.3.4) sha256=81772dabd1830edbd7f4526d2ae2c79f974f1d48900c3f03f7ecb7c657463a21
  carrierwave_direct (2.1.0) sha256=b0d5c19c1d17a05940e488cff644a3b2946422d6d494b2174b48f6a90c5dddbf
  cbor (0.5.9.8) sha256=9ee097fc58d9bc5e406d112cd2d4e112c7354ec16f8b6ff34e4732c1e44b4eb7
  cgi (0.5.0) sha256=fe99f65bb2c146e294372ebb27602adbc3b4c008e9ea7038c6bd48c1ec9759da
  childprocess (5.1.0) sha256=9a8d484be2fd4096a0e90a0cd3e449a05bc3aa33f8ac9e4d6dcef6ac1455b6ec
  climate_control (1.2.0) sha256=36b21896193fa8c8536fa1cd843a07cf8ddbd03aaba43665e26c53ec1bd70aa5
  closure_tree (8.0.0) sha256=9f33c8b2511db80d3cb418cba34da85176585bb9f1077c5d58e873e2495dbbcb
  coderay (1.1.3) sha256=dc530018a4684512f8f38143cd2a096c9f02a1fc2459edcfe534787a7fc77d4b
  coercible (1.0.0) sha256=5081ad24352cc8435ce5472bc2faa30260c7ea7f2102cc6a9f167c4d9bffaadc
  color_conversion (0.1.2) sha256=99bea5fa412e1527a11389975aa6ad445ff8528ebae202c11d08c45ea2b94c96
  colored2 (4.0.3) sha256=63e1038183976287efc43034f5cca17fb180b4deef207da8ba78d051cbce2b37
  commonmarker (2.3.0) sha256=74fb85e4ae59a9fc166dd1813ad791805d09dec1a4e79c81a7be0a6a8dc5dc63
  commonmarker (2.3.0-aarch64-linux) sha256=63e6c599ed2b1a01c012e5524ed25f60ab1132c6b582bcef0aa542770d3087ee
  commonmarker (2.3.0-aarch64-linux-musl) sha256=2be68fc9106fe5b0a92928cf2903c0924ee2ef862fefd2b5c7943292902e79ab
  commonmarker (2.3.0-arm64-darwin) sha256=fb5a6416395cbac63bb7741887c74e17141be75f407a292ab98cd6c8ab4894a2
  commonmarker (2.3.0-x86_64-darwin) sha256=65919fe63bc1e01319d958351ae611cc913bd2a8aa3f1a4f3fb3d12e82fbc568
  commonmarker (2.3.0-x86_64-linux) sha256=a6f2b523be0c3e4752aaf55cc5026239080b81f91bd2f72226b6e71919d204d0
  commonmarker (2.3.0-x86_64-linux-musl) sha256=af895be1dfe723a1ae2671fd147d082e1be107be732b7a52e2e0d5daa1ae687a
  compare-xml (0.66) sha256=e21aa5c0f69ef1177eced997c688fd4df989084e74a1b612257af32e1dd05319
  concurrent-ruby (1.3.5) sha256=813b3e37aca6df2a21a3b9f1d497f8cbab24a2b94cab325bffe65ee0f6cbebc6
  connection_pool (2.5.3) sha256=cfd74a82b9b094d1ce30c4f1a346da23ee19dc8a062a16a85f58eab1ced4305b
  cookiejar (0.3.4) sha256=11b16acfc4baf7a0f463c21a6212005e04e25f5554d4d9f24d97f3492dfda0df
  cose (1.3.1) sha256=d5d4dbcd6b035d513edc4e1ab9bc10e9ce13b4011c96e3d1b8fe5e6413fd6de5
  costs (1.0.0)
  crack (1.0.0) sha256=c83aefdb428cdc7b66c7f287e488c796f055c0839e6e545fec2c7047743c4a49
  crass (1.0.6) sha256=dc516022a56e7b3b156099abc81b6d2b08ea1ed12676ac7a5657617f012bd45d
  css_parser (1.21.1) sha256=6cfd3ffc0a97333b39d2b1b49c95397b05e0e3b684d68f77ec471ba4ec2ef7c7
  csv (3.3.5) sha256=6e5134ac3383ef728b7f02725d9872934f523cb40b961479f69cf3afa6c8e73f
  cuprite (0.17) sha256=b140d5dc70d08b97ad54bcf45cd95d0bd430e291e9dffe76fff851fddd57c12b
  daemons (1.4.1) sha256=8fc76d76faec669feb5e455d72f35bd4c46dc6735e28c420afb822fac1fa9a1d
  dalli (3.2.8) sha256=2e63595084d91fae2655514a02c5d4fc0f16c0799893794abe23bf628bebaaa5
  dashboards (1.0.0)
  date (3.4.1) sha256=bf268e14ef7158009bfeaec40b5fa3c7271906e88b196d958a89d4b408abe64f
  date_validator (0.12.0) sha256=68c9834da240347b9c17441c553a183572508617ebfbe8c020020f3192ce3058
  deckar01-task_list (2.3.4) sha256=66abdc7e009ea759732bb53867e1ea42de550e2aa03ac30a015cbf42a04c1667
  declarative (0.0.20) sha256=8021dd6cb17ab2b61233c56903d3f5a259c5cf43c80ff332d447d395b17d9ff9
  descendants_tracker (0.0.4) sha256=e9c41dd4cfbb85829a9301ea7e7c48c2a03b26f09319db230e6479ccdc780897
  diff-lcs (1.6.2) sha256=9ae0d2cba7d4df3075fe8cd8602a8604993efc0dfa934cff568969efb1909962
  disposable (0.6.3) sha256=7f2a3fb251bff6cd83f25b164043d4ec3531209b51b066ed476a9df9c2d384cc
  doorkeeper (5.8.2) sha256=a73d07aeaf590b1e7e2a35390446f23131c9f37bc0561653e514d3973f4d50d3
  dotenv (3.1.8) sha256=9e1176060ced581f8e6ce4384e91361817763a76e3c625c8bddc18b35bd392c3
  dotenv-rails (3.1.8) sha256=46c9d1226a8b58a83b5f61325aa8cffd25cea1c0fafdfbbbee1e5dfea77980c4
  drb (2.2.3) sha256=0b00d6fdb50995fe4a45dea13663493c841112e4068656854646f418fda13373
  dry-auto_inject (1.1.0) sha256=f9276cb5d15a3ef138e1f1149e289e287f636de57ef4a6decd233542eb708f78
  dry-configurable (1.3.0) sha256=882d862858567fc1210d2549d4c090f34370fc1bb7c5c1933de3fe792e18afa8
  dry-container (0.11.0) sha256=23be9381644d47343f3bf13b082b4255994ada0bfd88e0737eaaadc99d035229
  dry-core (1.1.0) sha256=0903821a9707649a7da545a2cd88e20f3a663ab1c5288abd7f914fa7751ab195
  dry-inflector (1.2.0) sha256=22f5d0b50fd57074ae57e2ca17e3b300e57564c218269dcf82ff3e42d3f38f2e
  dry-initializer (3.2.0) sha256=37d59798f912dc0a1efe14a4db4a9306989007b302dcd5f25d0a2a20c166c4e3
  dry-logic (1.6.0) sha256=da6fedbc0f90fc41f9b0cc7e6f05f5d529d1efaef6c8dcc8e0733f685745cea2
  dry-monads (1.8.3) sha256=5fbc06ae4ff76ae081922a902be998673703304d10b46b08931696f2c8decc06
  dry-schema (1.14.1) sha256=2fcd7539a7099cacae6a22f6a3a2c1846fe5afeb1c841cde432c89c6cb9b9ff1
  dry-types (1.8.2) sha256=c84e9ada69419c727c3b12e191e0ed7d2c6d58d040d55e79ea16e0ebf8b3ec0f
  dry-validation (1.11.1) sha256=70900bb5a2d911c8aab566d3e360c6bff389b8bf92ea8e04885ce51c41ff8085
  dumb_delegator (1.1.0) sha256=1ad255e5b095a2206a574c62b40c678f3d5c9151f1b3d0bae1b0463f7e40188e
  em-http-request (1.1.7) sha256=16fbc72b2a6e20c804c564ac5d12e98668c6fcef8c3b1dd2387dff505f2efdab
  em-socksify (0.3.3) sha256=7d8d08a7a8acc1263173433a6b5540edd80a8a36e35a066b650c929a3a3974ed
  em-synchrony (1.0.6) sha256=6e7470a684d9bbc00d61d552911b65711540bd89e95c157156f5aacdd6f306ca
  email_validator (2.2.4) sha256=5ab238095bec7aef9389f230e9e0c64c5081cdf91f19d6c5cecee0a93af20604
  equivalent-xml (0.6.0) sha256=8919761efa848ad0846369ff8be1f646b17e5061698c4867b09829000cc3f487
  erb (5.0.1) sha256=760439803b36cc93eca8a266aab614614e588024a89bc30a62e78d98ff452c23
  erb_lint (0.9.0) sha256=dfb5e40ad839e8d1f0d56ca85ec9a7ac4c9cd966ec281138282f35b323ca7c31
  erblint-github (1.0.1) sha256=9f28f7dc381a0dc68a0093ef7af3424ed9d2bb2b3e39bdc8e8cba86a0d31f2d0
  erubi (1.13.1) sha256=a082103b0885dbc5ecf1172fede897f9ebdb745a4b97a5e8dc63953db1ee4ad9
  escape_utils (1.3.0) sha256=dffb7010922880ace6ceed642156c64e2a64620f27e0849f43bc4f68fd3c2c09
  et-orbi (1.2.11) sha256=d26e868cc21db88280a9ec1a50aa3da5d267eb9b2037ba7b831d6c2731f5df64
  eventmachine (1.2.7) sha256=994016e42aa041477ba9cff45cbe50de2047f25dd418eba003e84f0d16560972
  eventmachine_httpserver (0.2.1) sha256=5db5e8a23754204d43592e5fcc2160457c57c870babe6307c4e61fc95019b809
  excon (1.2.7) sha256=3b3917dbdf0c65b8d872039fe2b37bf423da2f245ef05b0af07423027c4cfde5
  factory_bot (6.5.1) sha256=40581ea7bec0aee05514b8f4f99ed477274bdf1884c1372de5209e60322d6ca9
  factory_bot_rails (6.4.4) sha256=139e17caa2c50f098fddf5e5e1f29e8067352024e91ca1186d018b36589e5c88
  faraday (2.13.1) sha256=cc531eb5467e7d74d4517630fa96f1a7003647cbf20a9a3e067d098941217b75
  faraday-follow_redirects (0.3.0) sha256=d92d975635e2c7fe525dd494fcd4b9bb7f0a4a0ec0d5f4c15c729530fdb807f9
  faraday-net_http (3.4.0) sha256=a1f1e4cd6a2cf21599c8221595e27582d9936819977bbd4089a601f24c64e54a
  fastimage (2.3.1) sha256=23c629f1f3e7d61bcfcc06c25b3d2418bc6bf41d2e615dbf5132c0e3b63ecce9
  ferrum (0.17.1) sha256=51d591120fc593e5a13b5d9d6474389f5145bb92a91e36eab147b5d096c8cbe7
  ffi (1.17.2) sha256=297235842e5947cc3036ebe64077584bff583cd7a4e94e9a02fdec399ef46da6
  ffi (1.17.2-aarch64-linux-gnu) sha256=c910bd3cae70b76690418cce4572b7f6c208d271f323d692a067d59116211a1a
  ffi (1.17.2-aarch64-linux-musl) sha256=69e6556b091d45df83e6c3b19d3c54177c206910965155a6ec98de5e893c7b7c
  ffi (1.17.2-arm-linux-gnu) sha256=d4a438f2b40224ae42ec72f293b3ebe0ba2159f7d1bd47f8417e6af2f68dbaa5
  ffi (1.17.2-arm-linux-musl) sha256=977dfb7f3a6381206dbda9bc441d9e1f9366bf189a634559c3b7c182c497aaa3
  ffi (1.17.2-arm64-darwin) sha256=54dd9789be1d30157782b8de42d8f887a3c3c345293b57ffb6b45b4d1165f813
  ffi (1.17.2-x86-linux-gnu) sha256=95d8f9ebea23c39888e2ab85a02c98f54acb2f4e79b829250d7267ce741dc7b0
  ffi (1.17.2-x86-linux-musl) sha256=41741449bab2b9530f42a47baa5c26263925306fad0ac2d60887f51af2e3b24c
  ffi (1.17.2-x86_64-darwin) sha256=981f2d4e32ea03712beb26e55e972797c2c5a7b0257955d8667ba58f2da6440e
  ffi (1.17.2-x86_64-linux-gnu) sha256=05d2026fc9dbb7cfd21a5934559f16293815b7ce0314846fee2ac8efbdb823ea
  ffi (1.17.2-x86_64-linux-musl) sha256=97c0eb3981414309285a64dc4d466bd149e981c279a56371ef811395d68cb95c
  flamegraph (0.9.5) sha256=a683020637ffa0e14a72640fa41babf14d926bfeaed87e31907cfd06ab2de8dc
  fog-aws (3.32.0) sha256=f961e0ced6622c2f88c64fbfeadcb7b6839c59309ae138cb67015dd9100c5803
  fog-core (2.6.0) sha256=3fe08aa83a23cddce42f4ba412040c08f890d7ff04c175c0ee59119371245be6
  fog-json (1.2.0) sha256=dd4f5ab362dbc72b687240bba9d2dd841d5dfe888a285797533f85c03ea548fe
  fog-xml (0.1.5) sha256=52b9fea10701461dd3eaf9d9839702169b418dbbf50426786b9b74fade373bd6
  formatador (1.1.0) sha256=54e23e2af4d60bb9327c7fac62b29968e4cf28cee0111f726d0bdeadc85e06d0
  friendly_id (5.5.1) sha256=e018f2b89bfc143276fee6d378a64792385cd4fddd3d4fce501f59ec19c06207
  front_matter_parser (1.0.1) sha256=bae298bda01db95788a4d6452f1670a3d198c6716c8d3727db9a95533deb7b7b
  fugit (1.11.1) sha256=e89485e7be22226d8e9c6da411664d0660284b4b1c08cacb540f505907869868
  fuubar (2.5.1) sha256=b272a7804b282661c7fab583a3764f92543cb482c365ae39c685cd218fdd4880
  glob (0.4.0) sha256=893dc9e2d24abe13dda907ce0cda576f680ff382f2a6cf9e543f98ecbe29238c
  globalid (1.2.1) sha256=70bf76711871f843dbba72beb8613229a49429d1866828476f9c9d6ccc327ce9
  gon (6.4.0) sha256=e3a618d659392890f1aa7db420f17c75fd7d35aeb5f8fe003697d02c4b88d2f0
  good_job (3.99.1) sha256=7d3869d8a8ee8ef7048fee5d746f41c21987b7822c20038a2f773036bef0830a
  google-apis-core (0.18.0) sha256=96b057816feeeab448139ed5b5c78eab7fc2a9d8958f0fbc8217dedffad054ee
  google-apis-gmail_v1 (0.43.0) sha256=037a218338b2d40b31d6f4c9206e58a6e34062fceac8a310f8dbc92b1a2b947b
  google-cloud-env (2.3.1) sha256=0faac01eb27be78c2591d64433663b1a114f8f7af55a4f819755426cac9178e7
  google-logging-utils (0.2.0) sha256=675462b4ea5affa825a3442694ca2d75d0069455a1d0956127207498fca3df7b
  googleauth (1.14.0) sha256=62e7de11791890c3d3dc70582dfd9ab5516530e4e4f56d96451fd62c76475149
  grape (2.3.0) sha256=99484ae2907b06a9e109edf2911c383809bf7f7c00d65554e4d01f0388728bda
  grape_logging (1.8.4) sha256=efcc3e322dbd5d620a68f078733b7db043cf12680144cd03c982f14115c792d1
  gravatar_image_tag (1.2.0) sha256=eb5630fea846b711e713b934a0178fb9785f02f4eb9ced8d6faa4d537c40fdcf
  grids (1.0.0)
  hana (1.3.7) sha256=5425db42d651fea08859811c29d20446f16af196308162894db208cac5ce9b0d
  hashdiff (1.2.0) sha256=c984f13e115bfc9953332e8e83bd9d769cfde9944e2d54e07eb9df7b76e140b5
  hashery (2.1.2) sha256=d239cc2310401903f6b79d458c2bbef5bf74c46f3f974ae9c1061fb74a404862
  hashie (5.0.0) sha256=9d6c4e51f2a36d4616cbc8a322d619a162d8f42815a792596039fc95595603da
  highline (3.1.2) sha256=67cbd34d19f6ef11a7ee1d82ffab5d36dfd5b3be861f450fc1716c7125f4bb4a
  html-pipeline (2.14.3) sha256=8a1d4d7128b2141913387cac0f8ba898bb6812557001acc0c2b46910f59413a0
  htmlbeautifier (1.4.3) sha256=b43d08f7e2aa6ae1b5a6f0607b4ed8954c8d4a8e85fd2336f975dda1e4db385b
  htmldiff (0.0.1) sha256=a96d068c8b8ea96cca3154a61785365d83129f47f1df964c6b1666924ce113a1
  htmlentities (4.3.4) sha256=125a73c6c9f2d1b62100b7c3c401e3624441b663762afa7fe428476435a673da
  http-2 (1.1.1) sha256=1141a5a03c2f4e6b8d2fa62394de581e1ff6387711cd7ed577212e9d95562bba
  http_parser.rb (0.8.0) sha256=5a0932f1fa82ce08a8516a2685d5a86031c000560f89946913c555a0697544be
  httpclient (2.9.0) sha256=4b645958e494b2f86c2f8a2f304c959baa273a310e77a2931ddb986d83e498c8
  httpx (1.3.4) sha256=d90bac25b909184479af1bd95e66b0a336a11d76076342caae5809ffd7d63799
  i18n (1.14.7) sha256=ceba573f8138ff2c0915427f1fc5bdf4aa3ab8ae88c8ce255eb3ecf0a11a5d0f
  i18n-js (4.2.3) sha256=ffb1a6d34afebd9ab2aff9bd86e8f2873191cbe8b9ac5c2c8efe4dfa1107ca3b
  i18n-tasks (1.0.15) sha256=74f3e9e0e2db5d757c58e659f4269ee698c7a7532ed29066a2aaffc9efbdfb56
  icalendar (2.10.3) sha256=0ebfc2672f9fa77b86b4d8c0e25e9b2319aad45a33319fed06d0be8ddd0cd485
  ice_cube (0.17.0) sha256=32deb45dda4b4acc53505c2f581f6d32b5afc04d29b9004769944a0df5a5fcbe
  ice_nine (0.11.2) sha256=5d506a7d2723d5592dc121b9928e4931742730131f22a1a37649df1c1e2e63db
  interception (0.5) sha256=a53818d636752a8df90d8c1bb2f7b6e13a7b828543cb02b50fbde98b849d7907
  io-console (0.8.0) sha256=cd6a9facbc69871d69b2cb8b926fc6ea7ef06f06e505e81a64f14a470fddefa2
  irb (1.15.2) sha256=222f32952e278da34b58ffe45e8634bf4afc2dc7aa9da23fed67e581aa50fdba
  iso8601 (0.13.0) sha256=298c2b15b7be5fa95a1372813d36a2257656cd8e906dfbc1f5cb409851425aa2
  jmespath (1.6.2) sha256=238d774a58723d6c090494c8879b5e9918c19485f7e840f2c1c7532cf84ebcb1
  json (2.12.2) sha256=ba94a48ad265605c8fa9a50a5892f3ba6a02661aa010f638211f3cb36f44abf4
  json-jwt (1.16.7) sha256=ccabff4c6d1a14276b23178e8bebe513ef236399b72a0b886d7ed94800d172a5
  json-schema (4.3.1) sha256=d5e68dc32b94408d0b06ad04f9382ccbb6fe5a44910e066f8547f56c471a7825
  json_schemer (2.4.0) sha256=56cb6117bb5748d925b33ad3f415b513d41d25d0bbf57fe63c0a78ff05597c24
  json_spec (1.1.5) sha256=7a77b97a92c787e2aa3fbc4a1239afc3342c781151dc98cfb81461b3b7cad10f
  jwt (2.10.1) sha256=e6424ae1d813f63e761a04d6284e10e7ec531d6f701917fadcd0d9b2deaf1cc5
  ladle (1.0.1) sha256=e8586964108c798d48bf57d2a65bd5602e8e5223a176b6602a0fb36c0bda90dc
  language_server-protocol (3.17.0.5) sha256=fd1e39a51a28bf3eec959379985a72e296e9f9acfce46f6a79d31ca8760803cc
  launchy (3.1.1) sha256=72b847b5cc961589dde2c395af0108c86ff0119f42d4648d25b5440ebb10059e
  lefthook (1.11.13) sha256=64eee33daf516f27b8948c9734e495d740ba9aa211aadcf34c35cfb1008fbaa2
  letter_opener (1.10.0) sha256=2ff33f2e3b5c3c26d1959be54b395c086ca6d44826e8bf41a14ff96fdf1bdbb2
  letter_opener_web (3.0.0) sha256=3f391efe0e8b9b24becfab5537dfb17a5cf5eb532038f947daab58cb4b749860
  lint_roller (1.1.0) sha256=2c0c845b632a7d172cb849cc90c1bce937a28c5c8ccccb50dfd46a485003cc87
  listen (3.9.0) sha256=db9e4424e0e5834480385197c139cb6b0ae0ef28cc13310cfd1ca78377d59c67
  lobby_boy (0.1.3) sha256=9460bb3c052aef158eb3f137b8f7679ca756b8e2983d140dbdc0caa85c018172
  logger (1.7.0) sha256=196edec7cc44b66cfb40f9755ce11b392f21f7967696af15d274dde7edff0203
  lograge (0.14.0) sha256=42371a75823775f166f727639f5ddce73dd149452a55fc94b90c303213dc9ae1
  loofah (2.24.1) sha256=655a30842b70ec476410b347ab1cd2a5b92da46a19044357bbd9f401b009a337
  lookbook (2.3.9) sha256=b91fd92bd20281b87fbd23d7b22ffacb83ceb086c30986ab90275d220eaf0f39
  mail (2.8.1) sha256=ec3b9fadcf2b3755c78785cb17bc9a0ca9ee9857108a64b6f5cfc9c0b5bfc9ad
  marcel (1.0.4) sha256=0d5649feb64b8f19f3d3468b96c680bae9746335d02194270287868a661516a4
  markly (0.13.0) sha256=326a232c876cd95093d110b8d184be8effeadd776c3ffcefd59bdc8de7f59e0d
  matrix (0.4.2) sha256=71083ccbd67a14a43bfa78d3e4dc0f4b503b9cc18e5b4b1d686dc0f9ef7c4cc0
  md_to_pdf (0.2.1)
  messagebird-rest (1.4.2) sha256=1501e16ad76c87558f20f3b26cb39d05f587b349b44b8bf8056b040e9b495301
  meta-tags (2.22.1) sha256=e5ae1febbd320d396c7226d7edb868e5d63466c14b9c8b06622a1a74e6dce354
  method_source (1.1.0) sha256=181301c9c45b731b4769bc81e8860e72f9161ad7d66dd99103c9ab84f560f5c5
  mime-types (3.7.0) sha256=dcebf61c246f08e15a4de34e386ebe8233791e868564a470c3fe77c00eed5e56
  mime-types-data (3.2025.0603) sha256=00a122cf046ef3867c428ed5e6d97e759027b0caa375da7fba33a9799c8a3037
  mini_magick (5.2.0) sha256=2757ffbfdb1d38242d1da9ff1505360ab75d59dc02eb7ab79ff6d5acb1243f4a
  mini_mime (1.1.5) sha256=8681b7e2e4215f2a159f9400b5816d85e9d8c6c6b491e96a12797e798f8bccef
  mini_portile2 (2.8.9) sha256=0cd7c7f824e010c072e33f68bc02d85a00aeb6fce05bb4819c03dfd3c140c289
  minitest (5.25.5) sha256=391b6c6cb43a4802bfb7c93af1ebe2ac66a210293f4a3fb7db36f2fc7dc2c756
  msgpack (1.8.0) sha256=e64ce0212000d016809f5048b48eb3a65ffb169db22238fb4b72472fecb2d732
  multi_json (1.15.0) sha256=1fd04138b6e4a90017e8d1b804c039031399866ff3fbabb7822aea367c78615d
  mustermann (3.0.3) sha256=d1f8e9ba2ddaed47150ddf81f6a7ea046826b64c672fbc92d83bce6b70657e88
  mustermann-grape (1.1.0) sha256=8d258a986004c8f01ce4c023c0b037c168a9ed889cf5778068ad54398fa458c5
  mutex_m (0.3.0) sha256=cfcb04ac16b69c4813777022fdceda24e9f798e48092a2b817eb4c0a782b0751
  my_page (1.0.0)
  net-http (0.6.0) sha256=9621b20c137898af9d890556848c93603716cab516dc2c89b01a38b894e259fb
  net-imap (0.5.8) sha256=52aa5fdfc1a8a3df1f793b20a327e95b5a9dfe1d733e1f0d53075d2dbcfcf593
  net-ldap (0.19.0) sha256=be2a379ccbd28fc75fb70a94af74e3a9a6866b84574247fc243e0abdd2f82f3d
  net-pop (0.1.2) sha256=848b4e982013c15b2f0382792268763b748cce91c9e91e36b0f27ed26420dff3
  net-protocol (0.2.2) sha256=aa73e0cba6a125369de9837b8d8ef82a61849360eba0521900e2c3713aa162a8
  net-smtp (0.5.1) sha256=ed96a0af63c524fceb4b29b0d352195c30d82dd916a42f03c62a3a70e5b70736
  nio4r (2.7.4) sha256=d95dee68e0bb251b8ff90ac3423a511e3b784124e5db7ff5f4813a220ae73ca9
  nokogiri (1.18.8) sha256=8c7464875d9ca7f71080c24c0db7bcaa3940e8be3c6fc4bcebccf8b9a0016365
  nokogiri (1.18.8-aarch64-linux-gnu) sha256=36badd2eb281fca6214a5188e24a34399b15d89730639a068d12931e2adc210e
  nokogiri (1.18.8-aarch64-linux-musl) sha256=664e0f9a77a7122a66d6c03abba7641ca610769a4728db55ee1706a0838b78a2
  nokogiri (1.18.8-arm-linux-gnu) sha256=17de01ca3adf9f8e187883ed73c672344d3dbb3c260f88ffa1008e8dc255a28e
  nokogiri (1.18.8-arm-linux-musl) sha256=6e6d7e71fc39572bd613a82d528cf54392c3de1ba5ce974f05c832b8187a040b
  nokogiri (1.18.8-arm64-darwin) sha256=483b5b9fb33653f6f05cbe00d09ea315f268f0e707cfc809aa39b62993008212
  nokogiri (1.18.8-x86_64-darwin) sha256=024cdfe7d9ae3466bba6c06f348fb2a8395d9426b66a3c82f1961b907945cc0c
  nokogiri (1.18.8-x86_64-linux-gnu) sha256=4a747875db873d18a2985ee2c320a6070c4a414ad629da625fbc58d1a20e5ecc
  nokogiri (1.18.8-x86_64-linux-musl) sha256=ddd735fba49475a395b9ea793bb6474e3a3125b89960339604d08a5397de1165
  oj (3.16.11) sha256=2aab609d2bc896529bd3c70d737f591c13932a640ba6164a0f7e414efdb052b1
  okcomputer (1.19.0) sha256=8548935a82f725bdd8f2c329925a9f1a1bb2ce19ce26b47d7515665ee363b458
  omniauth (1.9.2)
  omniauth-openid-connect (0.4.1)
  omniauth-openid_connect-providers (0.2.0)
  omniauth-saml (1.10.6) sha256=13dde22f4fd1beff0ef2d6dae576f7b68594f159990e8e886d8a02b32397afbd
  op-clamav-client (3.4.2) sha256=f28d697d11758a2ba3dc530cfdf4871a00ecd517631e8bac30dee30cd6012964
  open4 (1.3.4) sha256=a1df037310624ecc1ea1d81264b11c83e96d0c3c1c6043108d37d396dcd0f4b1
  openid_connect (2.2.1) sha256=31264e85b5a36e33dff5e31560cc176175c26f30c260d7e95af93ff0065f3101
  openproject-auth_plugins (1.0.0)
  openproject-auth_saml (1.0.0)
  openproject-avatars (1.0.0)
  openproject-backlogs (1.0.0)
  openproject-bim (1.0.0)
  openproject-boards (1.0.0)
  openproject-calendar (1.0.0)
  openproject-documents (1.0.0)
  openproject-gantt (1.0.0)
  openproject-github_integration (1.0.0)
  openproject-gitlab_integration (3.0.0)
  openproject-job_status (1.0.0)
  openproject-ldap_groups (1.0.0)
  openproject-meeting (1.0.0)
  openproject-octicons (19.25.0) sha256=16fc221375e693f0e893b1c208286f2d7719ae4dfe080c5415642b221f51f550
  openproject-octicons_helper (19.25.0) sha256=9b1778a67b0015ebe84ca0471f74e31004b985a8dcaaa443f7a2ac365b0a4e2d
  openproject-openid_connect (1.0.0)
  openproject-primer_view_components (0.69.4) sha256=7691923d7e408b6d98c1579f18c08d9d0ad8ea165ab18490195c915239af32a5
  openproject-recaptcha (1.0.0)
  openproject-reporting (1.0.0)
  openproject-storages (1.0.0)
  openproject-team_planner (1.0.0)
  openproject-token (7.2.1) sha256=fa1dcabfd85958d42b8f9c86dac7eb369c253403c4d208844d62be3e57b130ae
  openproject-two_factor_authentication (1.0.0)
  openproject-webhooks (1.0.0)
  openproject-xls_export (1.0.0)
  openssl (3.3.0) sha256=ff3a573fc97ab30f69483fddc80029f91669bf36532859bd182d1836f45aee79
  openssl-signature_algorithm (1.3.0) sha256=a3b40b5e8276162d4a6e50c7c97cdaf1446f9b2c3946a6fa2c14628e0c957e80
  optimist (3.2.1) sha256=8cf8a0fd69f3aa24ab48885d3a666717c27bc3d9edd6e976e18b9d771e72e34e
  os (1.1.4) sha256=57816d6a334e7bd6aed048f4b0308226c5fb027433b67d90a9ab435f35108d3f
  ostruct (0.6.1) sha256=09a3fb7ecc1fa4039f25418cc05ae9c82bd520472c5c6a6f515f03e4988cb817
  overviews (1.0.0)
  ox (2.14.23) sha256=4a9aedb4d6c78c5ebac1d7287dc7cc6808e14a8831d7adb727438f6a1b461b66
  paper_trail (16.0.0) sha256=e9b9f0fb1b8b590c8231cfa931b282ba92f90e066e393930a5e1c61ae4c5019d
  parallel (1.27.0) sha256=4ac151e1806b755fb4e2dc2332cbf0e54f2e24ba821ff2d3dcf86bf6dc4ae130
  parallel_tests (4.10.1) sha256=df05458c691462b210f7a41fc2651d4e4e8a881e8190e6d1e122c92c07735d70
  parser (3.3.8.0) sha256=2476364142b307fa5a1b1ece44f260728be23858a9c71078e956131a75453c45
  pdf-core (0.9.0) sha256=4f368b2f12b57ec979872d4bf4bd1a67e8648e0c81ab89801431d2fc89f4e0bb
  pdf-inspector (1.3.0) sha256=fc107579d6f29b636e2da3d6743479b2624d9e390bf2d84beef8fd4ebe1a05bd
  pdf-reader (2.14.1) sha256=b45a4521c249a394ad7ad9e691bfd46d4d00998cfc4f019e4525afb4963b411b
  pg (1.5.9) sha256=761efbdf73b66516f0c26fcbe6515dc7500c3f0aa1a1b853feae245433c64fdc
  plaintext (0.3.4) sha256=ef3c0853c9cbf3107642cfaaed711f5b39dc7af5f640f37ec22fef5d8c833772
  pp (0.6.2) sha256=947ec3120c6f92195f8ee8aa25a7b2c5297bb106d83b41baa02983686577b6ff
  prawn (2.4.0) sha256=82062744f7126c2d77501da253a154271790254dfa8c309b8e52e79bc5de2abd
  prawn-table (0.2.2) sha256=336d46e39e003f77bf973337a958af6a68300b941c85cb22288872dc2b36addb
  prettyprint (0.2.0) sha256=2bc9e15581a94742064a3cc8b0fb9d45aae3d03a1baa6ef80922627a0766f193
  prism (1.4.0) sha256=dc0e3e00e93160213dc2a65519d9002a4a1e7b962db57d444cf1a71565bb703e
  prometheus-client-mmap (1.2.10) sha256=46d4ce67a05cd77910ebe9a64682206fd1c8f5fd2e4da7373713e16dc43e1444
  prometheus-client-mmap (1.2.10-aarch64-linux-gnu) sha256=a014e7748ba72928e58538f155b18479ce315396e9c7ab2115a80ea0a86001ac
  prometheus-client-mmap (1.2.10-aarch64-linux-musl) sha256=ba6c4b091c8a249b207ed7e482bcf58095b2631d29c3e51a463ab7f6cc01b8bd
  prometheus-client-mmap (1.2.10-arm64-darwin) sha256=1c9956cd3db419330b5797cb7e0ab4a1684351d82da38c14291be39d067d62d7
  prometheus-client-mmap (1.2.10-x86_64-darwin) sha256=4ca9c299079fe9e52a27cf34095357e2547c8cae9741728ffa502c814f61512e
  prometheus-client-mmap (1.2.10-x86_64-linux-gnu) sha256=6eee9f81a5a34829bbbca20ccd75597af4a2538f1109d1efebee9a3c8b40390e
  prometheus-client-mmap (1.2.10-x86_64-linux-musl) sha256=a47e54d4c28196806b49f00ef9182da42812269d1ebd3e9bb4cb1ca8d68300da
  pry (0.15.2) sha256=12d54b8640d3fa29c9211dd4ffb08f3fd8bf7a4fd9b5a73ce5b59c8709385b6b
  pry-byebug (3.11.0) sha256=0b0abb7d309bc7f00044d512a3c8567274f7012b944b38becc8440439a1cea72
  pry-rails (0.3.11) sha256=a69e28e24a34d75d1f60bcf241192a54253f8f7ef8a62cba1e75750a9653593d
  pry-rescue (1.6.0) sha256=985bfd506d9866b587fd86790cf8445266a41b7f92c627fc5b21ec7d92aba6db
  psych (5.2.6) sha256=814328aa5dcb6d604d32126a20bc1cbcf05521a5b49dbb1a8b30a07e580f316e
  public_suffix (6.0.2) sha256=bfa7cd5108066f8c9602e0d6d4114999a5df5839a63149d3e8b0f9c1d3558394
  puffing-billy (4.0.2) sha256=c983610f737e3847301f64cf41dccd9dcedcac9219af54d6eaf8178cbe48b3cc
  puma (6.6.0) sha256=f25c06873eb3d5de5f0a4ebc783acc81a4ccfe580c760cfe323497798018ad87
  puma-plugin-statsd (2.6.0) sha256=c13ffe6a2fa2d3c245af673316e6d2556f5d0c151455d1934dffc96ce814ea03
  raabro (1.4.0) sha256=d4fa9ff5172391edb92b242eed8be802d1934b1464061ae5e70d80962c5da882
  racc (1.8.1) sha256=4a7f6929691dbec8b5209a0b373bc2614882b55fc5d2e447a21aaa691303d62f
  rack (2.2.17) sha256=5fe02a1ca80d6fb2271dba00985ee2962d6f5620b6f46dfed89f5301ac4699dd
  rack-attack (6.7.0) sha256=3ca47e8f66cd33b2c96af53ea4754525cd928ed3fa8da10ee6dad0277791d77c
  rack-cors (2.0.2) sha256=415d4e1599891760c5dc9ef0349c7fecdf94f7c6a03e75b2e7c2b54b82adda1b
  rack-mini-profiler (4.0.0) sha256=c37bedcb7d01e33ad4addd8c4e742986e75db7cd8908cba3432c60b4e812e00f
  rack-oauth2 (2.2.1) sha256=c73aa87c508043e2258f02b4fb110cacba9b37d2ccf884e22487d014a120d1a5
  rack-protection (3.2.0) sha256=3c74ba7fc59066453d61af9bcba5b6fe7a9b3dab6f445418d3b391d5ea8efbff
  rack-session (1.0.2) sha256=a02115e5420b4de036839b9811e3f7967d73446a554b42aa45106af335851d76
  rack-test (2.2.0) sha256=005a36692c306ac0b4a9350355ee080fd09ddef1148a5f8b2ac636c720f5c463
  rack-timeout (0.7.0) sha256=757337e9793cca999bb73a61fe2a7d4280aa9eefbaf787ce3b98d860749c87d9
  rack_session_access (0.2.0) sha256=03eb98f2027429ccbbeb18556006dfb6d928b0557ad3770783b8e2f368198d6b
  rackup (1.0.1) sha256=ba86604a28989fe1043bff20d819b360944ca08156406812dca6742b24b3c249
  rails (8.0.2) sha256=fdfaa5a83ec0388e02864e88d515959caedc88053b5f701c4deb1652d8f164c6
  rails-controller-testing (1.0.5) sha256=741448db59366073e86fc965ba403f881c636b79a2c39a48d0486f2607182e94
  rails-dom-testing (2.3.0) sha256=8acc7953a7b911ca44588bf08737bc16719f431a1cc3091a292bca7317925c1d
  rails-html-sanitizer (1.6.2) sha256=35fce2ca8242da8775c83b6ba9c1bcaad6751d9eb73c1abaa8403475ab89a560
  rails-i18n (8.0.1) sha256=15303195450bdac9a80636cf14c7e5ada2f43907cc60fcd19bbb3f81ab45be0d
  railties (8.0.2) sha256=0d7c3f40c49ba74980f1bac1d4bb153a9331c5ee8a9631d89c7bf79db82e5cf9
  rainbow (3.1.1) sha256=039491aa3a89f42efa1d6dec2fc4e62ede96eb6acd95e52f1ad581182b79bc6a
  rake (13.3.0) sha256=96f5092d786ff412c62fde76f793cc0541bd84d2eb579caa529aa8a059934493
  rake-compiler-dock (1.9.1) sha256=e73720a29aba9c114728ce39cc0d8eef69ba61d88e7978c57bac171724cd4d53
  rb-fsevent (0.11.2) sha256=43900b972e7301d6570f64b850a5aa67833ee7d87b458ee92805d56b7318aefe
  rb-inotify (0.11.1) sha256=a0a700441239b0ff18eb65e3866236cd78613d6b9f78fea1f9ac47a85e47be6e
  rb_sys (0.9.116) sha256=c879891018535d4362455197065ea580541b10ffdfa940bec512ec1dd9a7def4
  rbtrace (0.5.2) sha256=a2d7d222ab81363aaa0e91337ddbf70df834885d401a80ea0339d86c71f31895
  rbtree3 (0.7.1) sha256=ab60ead728a5491b70df4f4065e180b18dbab5319f817ce1dbf5dd906f26d8ba
  rdoc (6.14.0) sha256=2c46de58d7129b8743fcf6d76e3db971bdc914150e15ac06b386549bd82ed7db
  recaptcha (5.19.0) sha256=b69c021a5b788da06901d2c95ab86f10a8634e6496343096cc5167f0318b2a39
  redcarpet (3.6.1) sha256=d444910e6aa55480c6bcdc0cdb057626e8a32c054c29e793fa642ba2f155f445
  redis (5.4.0) sha256=798900d869418a9fc3977f916578375b45c38247a556b61d58cba6bb02f7d06b
  redis-client (0.24.0) sha256=ee65ee39cb2c38608b734566167fd912384f3c1241f59075e22858f23a085dbb
  regexp_parser (2.10.0) sha256=cb6f0ddde88772cd64bff1dbbf68df66d376043fe2e66a9ef77fcb1b0c548c61
  reline (0.6.1) sha256=1afcc9d7cb1029cdbe780d72f2f09251ce46d3780050f3ec39c3ccc6b60675fb
  representable (3.2.0) sha256=cc29bf7eebc31653586849371a43ffe36c60b54b0a6365b5f7d95ec34d1ebace
  request_store (1.7.0) sha256=e1b75d5346a315f452242a68c937ef8e48b215b9453a77a6c0acdca2934c88cb
  responders (3.1.1) sha256=92f2a87e09028347368639cfb468f5fefa745cb0dc2377ef060db1cdd79a341a
  retriable (3.1.2) sha256=0a5a5d0ca4ba61a76fb31a17ab8f7f80281beb040c329d34dfc137a1398688e0
  rexml (3.4.1) sha256=c74527a9a0a04b4ec31dbe0dc4ed6004b960af943d8db42e539edde3a871abca
  rinku (2.0.6) sha256=8b60670e3143f3db2b37efa262971ce3619ec23092045498ef9f077d82828d7d
  roar (1.2.0) sha256=8db4d1ca79c57a5fb746c16c0d5661d7c3e0de3d9553dc016a88d2dba2929d08
  rotp (6.3.0) sha256=75d40087e65ed0d8022c33055a6306c1c400d1c12261932533b5d6cbcd868854
  rouge (4.5.2) sha256=034233fb8a69d0ad0e0476943184e04cb971b68e3c2239724e02f428878b68a3
  rspec (3.13.1) sha256=b9f9a58fa915b8d94a1d6b3195fe6dd28c4c34836a6097015142c4a9ace72140
  rspec-core (3.13.4) sha256=f9da156b7b775c82610a7b580624df51a55102f8c8e4a103b98f5d7a9fa23958
  rspec-expectations (3.13.5) sha256=33a4d3a1d95060aea4c94e9f237030a8f9eae5615e9bd85718fe3a09e4b58836
  rspec-mocks (3.13.5) sha256=e4338a6f285ada9fe56f5893f5457783af8194f5d08884d17a87321d5195ea81
  rspec-rails (8.0.0) sha256=977a508cd94d152db2068c6585470db5d0cd47eef56d5410b9531034fb9d97bf
  rspec-retry (0.6.2) sha256=6101ba23a38809811ae3484acde4ab481c54d846ac66d5037ccb40131a60d858
  rspec-support (3.13.4) sha256=184b1814f6a968102b57df631892c7f1990a91c9a3b9e80ef892a0fc2a71a3f7
  rspec-wait (1.0.1) sha256=50ce9cc7cd20b8bb67b95a4ed56b59a16d4af7e86ae91b28dbf20eeaa2481d1f
  rubocop (1.76.1) sha256=e15a2d750794cf2157d2de8b1b403dfa71b8dc3957a22ae6043b1bdf21e7e0e7
  rubocop-ast (1.45.1) sha256=94042e49adc17f187ba037b33f941ba7398fede77cdf4bffafba95190a473a3e
  rubocop-capybara (2.22.1) sha256=ced88caef23efea53f46e098ff352f8fc1068c649606ca75cb74650970f51c0c
  rubocop-factory_bot (2.27.1) sha256=9d744b5916778c1848e5fe6777cc69855bd96548853554ec239ba9961b8573fe
  rubocop-openproject (0.2.0) sha256=2300ed6b638a34a9368b458dc5fb618ae396da6a27670b50519ad1e3cea65ccb
  rubocop-performance (1.25.0) sha256=6f7d03568a770054117a78d0a8e191cefeffb703b382871ca7743831b1a52ec1
  rubocop-rails (2.32.0) sha256=9fcc623c8722fe71e835e99c4a18b740b5b0d3fb69915d7f0777f00794b30490
  rubocop-rspec (3.6.0) sha256=c0e4205871776727e54dee9cc91af5fd74578001551ba40e1fe1a1ab4b404479
  rubocop-rspec_rails (2.31.0) sha256=775375e18a26a1184a812ef3054b79d218e85601b9ae897f38f8be24dddf1f45
  ruby-duration (3.2.3) sha256=eb3d13b1df85067a015a8fb2ed8f1eec842a3b721e47c9b6fd74d2f356069784
  ruby-next-core (1.1.1) sha256=37886d41cf91072a0f14fa53b3e7e650adce1fe3b1227842bae32034dcce1d5f
  ruby-ole (1.2.13.1) sha256=578d10dd2a797a2b35a1286c6fb2c9525f67c24791346fc8015d39f0ffa3cb72
  ruby-prof (1.7.2) sha256=270424fcac37e611f2d15a55226c4628e234f8434e1d7c25ca8a2155b9fc4340
  ruby-progressbar (1.13.0) sha256=80fc9c47a9b640d6834e0dc7b3c94c9df37f08cb072b7761e4a71e22cff29b33
  ruby-rc4 (0.1.5) sha256=00cc40a39d20b53f5459e7ea006a92cf584e9bc275e2a6f7aa1515510e896c03
  ruby-saml (1.18.0) sha256=de342a55925fd5ce6114d0802651c324428c0fec26e7fe52bf3a7cfa54dbfa6d
  ruby2_keywords (0.0.5) sha256=ffd13740c573b7301cf7a2e61fc857b2a8e3d3aff32545d6f8300d8bae10e3ef
  rubytree (2.1.1) sha256=4925016356a81730e982f1f8c3b5f8da461f18906c77d238bad4c4ba896abd41
  rubyzip (2.3.2) sha256=3f57e3935dc2255c414484fbf8d673b4909d8a6a57007ed754dde39342d2373f
  safety_net_attestation (0.4.0) sha256=96be2d74e7ed26453a51894913449bea0e072f44490021545ac2d1c38b0718ce
  sanitize (7.0.0) sha256=269d1b9d7326e69307723af5643ec032ff86ad616e72a3b36d301ac75a273984
  secure_headers (7.1.0) sha256=6b1f9d5f9507af2948f4636452c41c09371927836396c2185438ffdf0a731124
  securerandom (0.4.1) sha256=cc5193d414a4341b6e225f0cb4446aceca8e50d5e1888743fac16987638ea0b1
  selenium-devtools (0.137.0) sha256=ea29581fe0502f10eb1e45492a62e2228398822180655ea94d146050fc44fa3c
  selenium-webdriver (4.33.0) sha256=720cad35cb7c2fdd87706940ed107bf2ec6873e50fa45b26f497fa28a8f97e1d
  semantic (1.6.1) sha256=3cdbb48f59198ebb782a3fdfb87b559e0822a311610db153bae22777a7d0c163
  shoulda-context (2.0.0) sha256=7adf45342cd800f507d2a053658cb1cce2884b616b26004d39684b912ea32c34
  shoulda-matchers (6.5.0) sha256=ef6b572b2bed1ac4aba6ab2c5ff345a24b6d055a93a3d1c3bfc86d9d499e3f44
  signet (0.20.0) sha256=bc660e2a6062311348cd35ec1ffafde1c5e2231213e1ca124f57aa4f59ec47a3
  simpleidn (0.2.3) sha256=08ce96f03fa1605286be22651ba0fc9c0b2d6272c9b27a260bc88be05b0d2c29
  smart_properties (1.17.0) sha256=f9323f8122e932341756ddec8e0ac9ec6e238408a7661508be99439ca6d6384b
  spreadsheet (1.3.4) sha256=0aefd6f3dfdc8b43528109f7fbd54db54f85ce5920429413d48305906bc59253
  spring (4.3.0) sha256=0aaaf3bcce38e8528275854881d1922660d76cbd19a9a3af4a419d95b7fe7122
  spring-commands-rspec (1.0.4) sha256=6202e54fa4767452e3641461a83347645af478bf45dddcca9737b43af0dd1a2c
  spring-commands-rubocop (0.4.0) sha256=3e677a2c8a27ae8a986f04bfb69e66d5d55b017541e8be93bf0dc48a7f5690c1
  sprockets (3.7.5) sha256=72c20f256548f8a37fe7db41d96be86c3262fddaf4ebe9d69ec8317394fed383
  sprockets-rails (3.5.2) sha256=a9e88e6ce9f8c912d349aa5401509165ec42326baf9e942a85de4b76dbc4119e
  ssrf_filter (1.0.8) sha256=03f49f54837e407d43ee93ec733a8a94dc1bcf8185647ac61606e63aaedaa0db
  stackprof (0.2.27) sha256=aff6d28656c852e74cf632cc2046f849033dc1dedffe7cb8c030d61b5745e80c
  store_attribute (2.0.1) sha256=643655e4800655b58379e8b01bd524f5586093a9d88698483ac8762cda25b5ab
  stringex (2.8.6) sha256=c7b382d2b2a47a1e1646f256df201c48d487d6296fbb289d76802f67f5e929c4
  stringio (3.1.7) sha256=5b78b7cb242a315fb4fca61a8255d62ec438f58da2b90be66048546ade4507fa
  structured_warnings (0.5.0) sha256=864aca5a4d6b63cd3a948f9dcd7f5498af1cf42bcf4fd75e2c315b7d77a30583
  svg-graph (2.2.2) sha256=f928866403055e6539afdfdab5f6268d108b2abc9f002e0fc51b16511809513a
  swd (2.0.3) sha256=4cdbe2a4246c19f093fce22e967ec3ebdd4657d37673672e621bf0c7eb770655
  sys-filesystem (1.5.3) sha256=17b561d1be683c34bc53946461ea9d67012d8f395e7297db8c63b9018cb30ece
  table_print (1.5.7) sha256=436664281f93387b882335795e16cfeeb839ad0c785ff7f9110fc0f17c68b5cb
  terminal-table (4.0.0) sha256=f504793203f8251b2ea7c7068333053f0beeea26093ec9962e62ea79f94301d2
  test-prof (1.4.4) sha256=1a59513ed9d33a1f5ca17c0b89da4e70f60a91c83ec62e9a873dbb99141353ef
  text-hyphen (1.5.0) sha256=c44a4533b8a554e7ff7c955e131bcccc78a0b4c56ce1d73f2c8c11f43b075a06
  thor (1.3.2) sha256=eef0293b9e24158ccad7ab383ae83534b7ad4ed99c09f96f1a6b036550abbeda
  thread_safe (0.3.6) sha256=9ed7072821b51c57e8d6b7011a8e282e25aeea3a4065eab326e43f66f063b05a
  timecop (0.9.10) sha256=12ba45ce57cdcf6b1043cb6cdffa6381fd89ce10d369c28a7f6f04dc1b0cd8eb
  timeout (0.4.3) sha256=9509f079b2b55fe4236d79633bd75e34c1c1e7e3fb4b56cb5fda61f80a0fe30e
  tpm-key_attestation (0.14.1) sha256=7fd4e4653a7afd0a386632ddfb05d10ecfdd47678299c5e69165bc9ae111193f
  trailblazer-option (0.1.2) sha256=20e4f12ea4e1f718c8007e7944ca21a329eee4eed9e0fa5dde6e8ad8ac4344a3
  ttfunk (1.7.0) sha256=2370ba484b1891c70bdcafd3448cfd82a32dd794802d81d720a64c15d3ef2a96
  turbo-rails (2.0.16) sha256=d24e1b60f0c575b3549ecda967e5391027143f8220d837ed792c8d48ea0ea38d
  turbo_power (0.7.0) sha256=ad95d147e0fa761d0023ad9ca00528c7b7ddf6bba8ca2e23755d5b21b290d967
  turbo_tests (2.2.0)
  typed_dag (2.0.2) sha256=b8dc65bf8cb5461715aa64650b7c96fc2075ef29fdd94554a93896c43453828c
  tzinfo (2.0.6) sha256=8daf828cc77bcf7d63b0e3bdb6caa47e2272dcfaf4fbfe46f8c3a9df087a829b
  tzinfo-data (1.2025.2) sha256=a92375a1fbb47d38fe88fd514c40a38cc8f97d168da2a6479f15185e86470939
  uber (0.1.0) sha256=5beeb407ff807b5db994f82fa9ee07cfceaa561dad8af20be880bc67eba935dc
  unicode-display_width (3.1.4) sha256=8caf2af1c0f2f07ec89ef9e18c7d88c2790e217c482bfc78aaa65eadd5415ac1
  unicode-emoji (4.0.4) sha256=2c2c4ef7f353e5809497126285a50b23056cc6e61b64433764a35eff6c36532a
  uri (1.0.3) sha256=e9f2244608eea2f7bc357d954c65c910ce0399ca5e18a7a29207ac22d8767011
  useragent (0.16.11) sha256=700e6413ad4bb954bb63547fa098dddf7b0ebe75b40cc6f93b8d54255b173844
  validate_email (0.1.6) sha256=9dfe9016d527b17a8d3a6e95e4dc50a125400eef899d13d4cc2a254393f82ee4
  validate_url (1.0.15) sha256=72fe164c0713d63a9970bd6700bea948babbfbdcec392f2342b6704042f57451
  vcr (6.3.1) sha256=37b56e157e720446a3f4d2d39919cabef8cb7b6c45936acffd2ef8229fec03ed
  vernier (1.8.0) sha256=c6cf9555c2a58affc25ebc45de0b4d45a993eb078f88f14f5b45d7bacb25acdd
  view_component (3.23.2) sha256=3c2fed4b9e38bf074fa3d42ca55eedbb2cc070e0f3c31d7c13a50b0db530892b
  virtus (2.0.0) sha256=8841dae4eb7fcc097320ba5ea516bf1839e5d056c61ee27138aa4bddd6e3d1c2
  warden (1.2.9) sha256=46684f885d35a69dbb883deabf85a222c8e427a957804719e143005df7a1efd0
  warden-basic_auth (0.2.1) sha256=bfc752e0109c0182c3e69e930284c5e1e81e7b4a354aeb2b5914ead1391f3c6e
  webauthn (3.4.1) sha256=f7c6f69178dd35dcc90313bc0d9b6558002336451d0c19d641ef1280624ac3ea
  webfinger (2.1.3) sha256=567a52bde77fb38ca6b67e55db755f988766ec4651c1d24916a65aa70540695c
  webmock (3.25.1) sha256=ab9d5d9353bcbe6322c83e1c60a7103988efc7b67cd72ffb9012629c3d396323
  webrick (1.9.1) sha256=b42d3c94f166f3fb73d87e9b359def9b5836c426fc8beacf38f2184a21b2a989
  websocket (1.2.11) sha256=b7e7a74e2410b5e85c25858b26b3322f29161e300935f70a0e0d3c35e0462737
  websocket-driver (0.8.0) sha256=ed0dba4b943c22f17f9a734817e808bc84cdce6a7e22045f5315aa57676d4962
  websocket-extensions (0.1.5) sha256=1c6ba63092cda343eb53fc657110c71c754c56484aad42578495227d717a8241
  will_paginate (4.0.1) sha256=107b226ebe1d393d274575956a7c472e1eefdd97d8828e01b72d425d15a875b9
  with_advisory_lock (5.3.0) sha256=bdb1864430853fe9081a7765f2d5b7cc42725c9ccf1901d20e9989828901b94e
  xpath (3.2.0) sha256=6dfda79d91bb3b949b947ecc5919f042ef2f399b904013eb3ef6d20dd3a4082e
  yabeda (0.13.1) sha256=3213025f22b7746602c8a4c41e2ed82d73a90bdc5489f6ef472142b06c1cf954
  yabeda-activerecord (0.1.1) sha256=ae338213c264f20d8642e8bf47ac6058c49a6f7c8c00c892cd5765332914f45f
  yabeda-prometheus-mmap (0.4.0) sha256=1a66120756d6f931f03a7784e08e79060d71681ff83a9f5287df2ff756e9e2c9
  yabeda-puma-plugin (0.7.1) sha256=a41d72053b8eb5b9db92c59bfb4a95f1988bafd2fdc9f4f13836849af073b17b
  yabeda-rails (0.9.0) sha256=6011bfa1e282456dbb4f0d6571267ad57108b54fab0de37ae3b70653fa9582da
  yard (0.9.37) sha256=a6e910399e78e613f80ba9add9ba7c394b1a935f083cccbef82903a3d2a26992
  zeitwerk (2.7.3) sha256=b2e86b4a9b57d26ba68a15230dcc7fe6f040f06831ce64417b0621ad96ba3e85

RUBY VERSION
   ruby 3.4.4p34

BUNDLED WITH
   2.6.9
